GENERATE-LOAD-SCRIPTS: ON
RESTRICTION: || (== net45) (== net451) (== net47) (== netcoreapp2.1) (== netstandard2.0)
NUGET
  remote: https://www.nuget.org/api/v2
    Argu (6.1.1)
      FSharp.Core (>= 4.3.2) - restriction: || (&& (== net45) (>= netstandard2.0)) (&& (== net451) (>= netstandard2.0)) (&& (== net47) (>= netstandard2.0)) (== netcoreapp2.1) (== netstandard2.0)
      System.Configuration.ConfigurationManager (>= 4.4) - restriction: || (&& (== net45) (>= netstandard2.0)) (&& (== net451) (>= netstandard2.0)) (&& (== net47) (>= netstandard2.0)) (== netcoreapp2.1) (== netstandard2.0)
    BenchmarkDotNet (0.12.1) - restriction: || (&& (== net45) (>= net461)) (&& (== net45) (>= netstandard2.0)) (&& (== net451) (>= net461)) (&& (== net451) (>= netstandard2.0)) (== net47) (== netcoreapp2.1) (== netstandard2.0)
      BenchmarkDotNet.Annotations (>= 0.12.1) - restriction: || (&& (== net45) (>= netstandard2.0)) (&& (== net451) (>= netstandard2.0)) (&& (== net47) (>= netstandard2.0)) (== netcoreapp2.1) (== netstandard2.0)
      CommandLineParser (>= 2.4.3) - restriction: || (&& (== net45) (>= netstandard2.0)) (&& (== net451) (>= netstandard2.0)) (&& (== net47) (>= netstandard2.0)) (== netcoreapp2.1) (== netstandard2.0)
      Iced (>= 1.4) - restriction: || (&& (== net45) (>= netstandard2.0)) (&& (== net451) (>= netstandard2.0)) (&& (== net47) (>= netstandard2.0)) (== netcoreapp2.1) (== netstandard2.0)
      Microsoft.CodeAnalysis.CSharp (>= 2.10) - restriction: || (&& (== net45) (>= netstandard2.0)) (&& (== net451) (>= netstandard2.0)) (&& (== net47) (>= netstandard2.0)) (== netcoreapp2.1) (== netstandard2.0)
      Microsoft.Diagnostics.NETCore.Client (>= 0.2.61701) - restriction: || (&& (== net45) (>= netstandard2.0)) (&& (== net451) (>= netstandard2.0)) (&& (== net47) (>= netstandard2.0)) (== netcoreapp2.1) (== netstandard2.0)
      Microsoft.Diagnostics.Runtime (>= 1.1.57604) - restriction: || (&& (== net45) (>= netstandard2.0)) (&& (== net451) (>= netstandard2.0)) (&& (== net47) (>= netstandard2.0)) (== netcoreapp2.1) (== netstandard2.0)
      Microsoft.Diagnostics.Tracing.TraceEvent (>= 2.0.49) - restriction: || (&& (== net45) (>= netstandard2.0)) (&& (== net451) (>= netstandard2.0)) (&& (== net47) (>= netstandard2.0)) (== netcoreapp2.1) (== netstandard2.0)
      Microsoft.DotNet.PlatformAbstractions (>= 2.1) - restriction: || (&& (== net45) (>= netstandard2.0)) (&& (== net451) (>= netstandard2.0)) (&& (== net47) (>= netstandard2.0)) (== netcoreapp2.1) (== netstandard2.0)
      Microsoft.Win32.Registry (>= 4.5) - restriction: || (&& (== net45) (>= netstandard2.0)) (&& (== net451) (>= netstandard2.0)) (&& (== net47) (>= netstandard2.0)) (== netcoreapp2.1) (== netstandard2.0)
      Perfolizer (>= 0.2.1) - restriction: || (&& (== net45) (>= netstandard2.0)) (&& (== net451) (>= netstandard2.0)) (&& (== net47) (>= netstandard2.0)) (== netcoreapp2.1) (== netstandard2.0)
      System.Management (>= 4.5) - restriction: || (&& (== net45) (>= netstandard2.0)) (&& (== net451) (>= netstandard2.0)) (&& (== net47) (>= netstandard2.0)) (== netcoreapp2.1) (== netstandard2.0)
      System.Reflection.Emit (>= 4.3) - restriction: || (&& (== net45) (>= netstandard2.0)) (&& (== net451) (>= netstandard2.0)) (&& (== net47) (>= netstandard2.0)) (== netcoreapp2.1) (== netstandard2.0)
      System.Reflection.Emit.Lightweight (>= 4.3) - restriction: || (&& (== net45) (>= netstandard2.0)) (&& (== net451) (>= netstandard2.0)) (&& (== net47) (>= netstandard2.0)) (== netcoreapp2.1) (== netstandard2.0)
      System.Threading.Tasks.Extensions (>= 4.5.2) - restriction: || (&& (== net45) (>= netstandard2.0)) (&& (== net451) (>= netstandard2.0)) (&& (== net47) (>= netstandard2.0)) (== netcoreapp2.1) (== netstandard2.0)
      System.ValueTuple (>= 4.5) - restriction: || (&& (== net45) (>= netstandard2.0)) (&& (== net451) (>= netstandard2.0)) (&& (== net47) (>= netstandard2.0)) (== netcoreapp2.1) (== netstandard2.0)
    BenchmarkDotNet.Annotations (0.12.1) - restriction: || (&& (== net45) (>= netstandard2.0)) (&& (== net451) (>= netstandard2.0)) (&& (== net47) (>= netstandard2.0)) (== netcoreapp2.1) (== netstandard2.0)
    Chessie (0.6) - restriction: || (&& (== net45) (>= netcoreapp2.0)) (&& (== net451) (>= netcoreapp2.0)) (&& (== net47) (>= netcoreapp2.0)) (== netcoreapp2.1) (&& (== netstandard2.0) (>= netcoreapp2.0))
      FSharp.Core (>= 4.0.1.7-alpha) - restriction: || (&& (== net45) (>= netstandard1.6)) (&& (== net451) (>= netstandard1.6)) (&& (== net47) (>= netstandard1.6)) (== netcoreapp2.1) (== netstandard2.0)
      NETStandard.Library (>= 1.6) - restriction: || (&& (== net45) (>= netstandard1.6)) (&& (== net451) (>= netstandard1.6)) (&& (== net47) (>= netstandard1.6)) (== netcoreapp2.1) (== netstandard2.0)
    CommandLineParser (2.8) - restriction: || (&& (== net45) (>= netstandard2.0)) (&& (== net451) (>= netstandard2.0)) (&& (== net47) (>= netstandard2.0)) (== netcoreapp2.1) (== netstandard2.0)
    dotnet-fake (5.18.3) - clitool: true
      Fake.Core.CommandLineParsing (>= 5.18.3) - restriction: || (&& (== net45) (>= netcoreapp2.0)) (&& (== net451) (>= netcoreapp2.0)) (&& (== net47) (>= netcoreapp2.0)) (== netcoreapp2.1) (&& (== netstandard2.0) (>= netcoreapp2.0))
      Fake.Runtime (>= 5.18.3) - restriction: || (&& (== net45) (>= netcoreapp2.0)) (&& (== net451) (>= netcoreapp2.0)) (&& (== net47) (>= netcoreapp2.0)) (== netcoreapp2.1) (&& (== netstandard2.0) (>= netcoreapp2.0))
      FSharp.Core (>= 4.7) - restriction: || (&& (== net45) (>= netcoreapp2.0)) (&& (== net451) (>= netcoreapp2.0)) (&& (== net47) (>= netcoreapp2.0)) (== netcoreapp2.1) (&& (== netstandard2.0) (>= netcoreapp2.0))
      Microsoft.NETCore.App (>= 2.0) - restriction: || (&& (== net45) (>= netcoreapp2.0)) (&& (== net451) (>= netcoreapp2.0)) (&& (== net47) (>= netcoreapp2.0)) (== netcoreapp2.1) (&& (== netstandard2.0) (>= netcoreapp2.0))
      Mono.Cecil (>= 0.11) - restriction: || (&& (== net45) (>= netcoreapp2.0)) (&& (== net451) (>= netcoreapp2.0)) (&& (== net47) (>= netcoreapp2.0)) (== netcoreapp2.1) (&& (== netstandard2.0) (>= netcoreapp2.0))
      Paket.Core (>= 5.226) - restriction: || (&& (== net45) (>= netcoreapp2.0)) (&& (== net451) (>= netcoreapp2.0)) (&& (== net47) (>= netcoreapp2.0)) (== netcoreapp2.1) (&& (== netstandard2.0) (>= netcoreapp2.0))
    Expecto (7.0.1)
      Argu (>= 5.1) - restriction: || (&& (== net45) (>= net461)) (&& (== net45) (>= netstandard2.0)) (&& (== net451) (>= net461)) (&& (== net451) (>= netstandard2.0)) (== net47) (== netcoreapp2.1) (== netstandard2.0)
      Mono.Cecil (>= 0.10) - restriction: || (&& (== net45) (>= net461)) (&& (== net45) (>= netstandard2.0)) (&& (== net451) (>= net461)) (&& (== net451) (>= netstandard2.0)) (== net47) (== netcoreapp2.1) (== netstandard2.0)
      System.Diagnostics.FileVersionInfo (>= 4.3) - restriction: || (&& (== net45) (>= netstandard2.0)) (&& (== net451) (>= netstandard2.0)) (&& (== net47) (< net461) (>= netstandard2.0)) (== netcoreapp2.1) (== netstandard2.0)
    Expecto.BenchmarkDotNet (9.0.2)
      BenchmarkDotNet (>= 0.12.1) - restriction: || (&& (== net45) (>= net461)) (&& (== net45) (>= netstandard2.0)) (&& (== net451) (>= net461)) (&& (== net451) (>= netstandard2.0)) (== net47) (== netcoreapp2.1) (== netstandard2.0)
      FSharp.Core (>= 4.6) - restriction: || (&& (== net45) (>= net461)) (&& (== net45) (>= netstandard2.0)) (&& (== net451) (>= net461)) (&& (== net451) (>= netstandard2.0)) (== net47) (== netcoreapp2.1) (== netstandard2.0)
    Expecto.FsCheck (7.0.1)
      Expecto (>= 7.0.1) - restriction: || (&& (== net45) (>= net461)) (&& (== net45) (>= netstandard2.0)) (&& (== net451) (>= net461)) (&& (== net451) (>= netstandard2.0)) (== net47) (== netcoreapp2.1) (== netstandard2.0)
      FsCheck (>= 2.10.4) - restriction: || (&& (== net45) (>= net461)) (&& (== net45) (>= netstandard2.0)) (&& (== net451) (>= net461)) (&& (== net451) (>= netstandard2.0)) (== net47) (== netcoreapp2.1) (== netstandard2.0)
    Expecto.VisualStudio.TestAdapter (8.0.0) - version_in_path: true
      Expecto (>= 7.0 < 8.0) - restriction: || (&& (== net45) (>= net461)) (&& (== net451) (>= net461)) (== net47) (&& (== netcoreapp2.1) (>= net461)) (&& (== netstandard2.0) (>= net461))
      FSharp.Core (>= 4.1.18) - restriction: || (&& (== net45) (>= net461)) (&& (== net451) (>= net461)) (== net47) (&& (== netcoreapp2.1) (>= net461)) (&& (== netstandard2.0) (>= net461))
      Microsoft.TestPlatform.ObjectModel (>= 15.5) - restriction: || (&& (== net45) (>= net461)) (&& (== net451) (>= net461)) (== net47) (&& (== netcoreapp2.1) (>= net461)) (&& (== netstandard2.0) (>= net461))
      Mono.Cecil (>= 0.10.0-beta7) - restriction: || (&& (== net45) (>= net461)) (&& (== net451) (>= net461)) (== net47) (&& (== netcoreapp2.1) (>= net461)) (&& (== netstandard2.0) (>= net461))
      Newtonsoft.Json (>= 10.0.3) - restriction: || (&& (== net45) (>= net461)) (&& (== net451) (>= net461)) (== net47) (&& (== netcoreapp2.1) (>= net461)) (&& (== netstandard2.0) (>= net461))
    Fake.Core.CommandLineParsing (5.20.3) - restriction: || (&& (== net45) (>= netcoreapp2.0)) (&& (== net451) (>= netcoreapp2.0)) (&& (== net47) (>= netcoreapp2.0)) (== netcoreapp2.1) (&& (== netstandard2.0) (>= netcoreapp2.0))
      FParsec (>= 1.1.1) - restriction: || (&& (== net45) (>= netstandard2.0)) (&& (== net451) (>= netstandard2.0)) (&& (== net47) (>= netstandard2.0)) (== netcoreapp2.1) (== netstandard2.0)
      FSharp.Core (>= 4.7.2) - restriction: || (&& (== net45) (>= netstandard2.0)) (&& (== net451) (>= netstandard2.0)) (&& (== net47) (>= netstandard2.0)) (== netcoreapp2.1) (== netstandard2.0)
    Fake.Core.Context (5.20.3) - restriction: || (&& (== net45) (>= netcoreapp2.0)) (&& (== net451) (>= netcoreapp2.0)) (&& (== net47) (>= netcoreapp2.0)) (== netcoreapp2.1) (&& (== netstandard2.0) (>= netcoreapp2.0))
      FSharp.Core (>= 4.7.2) - restriction: || (&& (== net45) (>= netstandard2.0)) (&& (== net451) (>= netstandard2.0)) (&& (== net47) (>= netstandard2.0)) (== netcoreapp2.1) (== netstandard2.0)
    Fake.Core.DependencyManager.Paket (5.20.3) - restriction: || (&& (== net45) (>= netcoreapp2.0)) (&& (== net451) (>= netcoreapp2.0)) (&& (== net47) (>= netcoreapp2.0)) (== netcoreapp2.1) (&& (== netstandard2.0) (>= netcoreapp2.0))
      FSharp.Core (>= 4.7.2) - restriction: || (&& (== net45) (>= netstandard2.0)) (&& (== net451) (>= netstandard2.0)) (&& (== net47) (>= netstandard2.0)) (== netcoreapp2.1) (== netstandard2.0)
    Fake.Runtime (5.20.3) - restriction: || (&& (== net45) (>= netcoreapp2.0)) (&& (== net451) (>= netcoreapp2.0)) (&& (== net47) (>= netcoreapp2.0)) (== netcoreapp2.1) (&& (== netstandard2.0) (>= netcoreapp2.0))
      Fake.Core.Context (>= 5.20.3) - restriction: || (&& (== net45) (>= netstandard2.0)) (&& (== net451) (>= netstandard2.0)) (&& (== net47) (>= netstandard2.0)) (== netcoreapp2.1) (== netstandard2.0)
      Fake.Core.DependencyManager.Paket (>= 5.20.3) - restriction: || (&& (== net45) (>= netstandard2.0)) (&& (== net451) (>= netstandard2.0)) (&& (== net47) (>= netstandard2.0)) (== netcoreapp2.1) (== netstandard2.0)
      FSharp.Compiler.Service (>= 36.0.3) - restriction: || (&& (== net45) (>= netstandard2.0)) (&& (== net451) (>= netstandard2.0)) (&& (== net47) (>= netstandard2.0)) (== netcoreapp2.1) (== netstandard2.0)
      FSharp.Core (>= 4.7.2) - restriction: || (&& (== net45) (>= netstandard2.0)) (&& (== net451) (>= netstandard2.0)) (&& (== net47) (>= netstandard2.0)) (== netcoreapp2.1) (== netstandard2.0)
      Microsoft.DotNet.PlatformAbstractions (>= 2.1) - restriction: || (&& (== net45) (>= netstandard2.0)) (&& (== net451) (>= netstandard2.0)) (&& (== net47) (>= netstandard2.0)) (== netcoreapp2.1) (== netstandard2.0)
      Mono.Cecil (>= 0.11.2) - restriction: || (&& (== net45) (>= netstandard2.0)) (&& (== net451) (>= netstandard2.0)) (&& (== net47) (>= netstandard2.0)) (== netcoreapp2.1) (== netstandard2.0)
      Paket.Core (>= 5.249) - restriction: || (&& (== net45) (>= netstandard2.0)) (&& (== net451) (>= netstandard2.0)) (&& (== net47) (>= netstandard2.0)) (== netcoreapp2.1) (== netstandard2.0)
      System.Runtime.Loader (>= 4.3) - restriction: || (&& (== net45) (>= netstandard2.0)) (&& (== net451) (>= netstandard2.0)) (&& (== net47) (>= netstandard2.0)) (== netcoreapp2.1) (== netstandard2.0)
    FParsec (1.1.1) - restriction: || (&& (== net45) (>= netcoreapp2.0)) (&& (== net451) (>= netcoreapp2.0)) (&& (== net47) (>= netcoreapp2.0)) (== netcoreapp2.1) (&& (== netstandard2.0) (>= netcoreapp2.0))
      FSharp.Core (>= 4.3.4)
    FsCheck (2.14.3) - restriction: || (&& (== net45) (>= net461)) (&& (== net45) (>= netstandard2.0)) (&& (== net451) (>= net461)) (&& (== net451) (>= netstandard2.0)) (== net47) (== netcoreapp2.1) (== netstandard2.0)
      FSharp.Core (>= 4.2.3) - restriction: || (&& (== net45) (>= net452)) (&& (== net45) (>= netstandard1.6)) (&& (== net451) (>= net452)) (&& (== net451) (>= netstandard1.6)) (== net47) (== netcoreapp2.1) (== netstandard2.0)
    FSharp.Compiler.Service (37.0) - restriction: || (&& (== net45) (>= netcoreapp2.0)) (&& (== net451) (>= netcoreapp2.0)) (&& (== net47) (>= netcoreapp2.0)) (== netcoreapp2.1) (&& (== netstandard2.0) (>= netcoreapp2.0))
      FSharp.Core (>= 4.6.2) - restriction: || (&& (== net45) (>= net461)) (&& (== net45) (>= netstandard2.0)) (&& (== net451) (>= net461)) (&& (== net451) (>= netstandard2.0)) (== net47) (== netcoreapp2.1) (== netstandard2.0)
      Microsoft.Build.Framework (>= 16.6) - restriction: || (&& (== net45) (>= net461)) (&& (== net45) (>= netstandard2.0)) (&& (== net451) (>= net461)) (&& (== net451) (>= netstandard2.0)) (== net47) (== netcoreapp2.1) (== netstandard2.0)
      Microsoft.Build.Tasks.Core (>= 16.6) - restriction: || (&& (== net45) (>= net461)) (&& (== net45) (>= netstandard2.0)) (&& (== net451) (>= net461)) (&& (== net451) (>= netstandard2.0)) (== net47) (== netcoreapp2.1) (== netstandard2.0)
      Microsoft.Build.Utilities.Core (>= 16.6) - restriction: || (&& (== net45) (>= net461)) (&& (== net45) (>= netstandard2.0)) (&& (== net451) (>= net461)) (&& (== net451) (>= netstandard2.0)) (== net47) (== netcoreapp2.1) (== netstandard2.0)
      System.Buffers (>= 4.5) - restriction: || (&& (== net45) (>= net461)) (&& (== net45) (>= netstandard2.0)) (&& (== net451) (>= net461)) (&& (== net451) (>= netstandard2.0)) (== net47) (== netcoreapp2.1) (== netstandard2.0)
      System.Collections.Immutable (>= 1.5) - restriction: || (&& (== net45) (>= net461)) (&& (== net45) (>= netstandard2.0)) (&& (== net451) (>= net461)) (&& (== net451) (>= netstandard2.0)) (== net47) (== netcoreapp2.1) (== netstandard2.0)
      System.Memory (>= 4.5.3) - restriction: || (&& (== net45) (>= net461)) (&& (== net45) (>= netstandard2.0)) (&& (== net451) (>= net461)) (&& (== net451) (>= netstandard2.0)) (== net47) (== netcoreapp2.1) (== netstandard2.0)
      System.Reflection.Emit (>= 4.3) - restriction: || (&& (== net45) (>= netstandard2.0)) (&& (== net451) (>= netstandard2.0)) (&& (== net47) (< net461) (>= netstandard2.0)) (== netcoreapp2.1) (== netstandard2.0)
      System.Reflection.Metadata (>= 1.6) - restriction: || (&& (== net45) (>= net461)) (&& (== net45) (>= netstandard2.0)) (&& (== net451) (>= net461)) (&& (== net451) (>= netstandard2.0)) (== net47) (== netcoreapp2.1) (== netstandard2.0)
      System.Reflection.TypeExtensions (>= 4.3) - restriction: || (&& (== net45) (>= netstandard2.0)) (&& (== net451) (>= netstandard2.0)) (&& (== net47) (< net461) (>= netstandard2.0)) (== netcoreapp2.1) (== netstandard2.0)
      System.Runtime.Loader (>= 4.0) - restriction: || (&& (== net45) (>= netstandard2.0)) (&& (== net451) (>= netstandard2.0)) (&& (== net47) (< net461) (>= netstandard2.0)) (== netcoreapp2.1) (== netstandard2.0)
    FSharp.Core (4.7.2)
    Iced (1.9) - restriction: || (&& (== net45) (>= netstandard2.0)) (&& (== net451) (>= netstandard2.0)) (&& (== net47) (>= netstandard2.0)) (== netcoreapp2.1) (== netstandard2.0)
    Microsoft.Bcl.AsyncInterfaces (1.1.1) - restriction: || (&& (== net45) (>= netstandard2.0)) (&& (== net451) (>= netstandard2.0)) (&& (== net47) (>= netstandard2.0)) (== netcoreapp2.1) (== netstandard2.0)
      System.Threading.Tasks.Extensions (>= 4.5.4) - restriction: || (&& (== net45) (>= net461)) (&& (== net45) (>= netstandard2.0)) (&& (== net45) (>= netstandard2.1)) (&& (== net451) (>= net461)) (&& (== net451) (>= netstandard2.0)) (&& (== net451) (>= netstandard2.1)) (== net47) (&& (== netcoreapp2.1) (>= net461)) (&& (== netcoreapp2.1) (>= netstandard2.1)) (== netstandard2.0)
    Microsoft.Build.Framework (16.7) - restriction: || (&& (== net45) (>= netcoreapp2.0)) (&& (== net451) (>= netcoreapp2.0)) (&& (== net47) (>= netcoreapp2.0)) (== netcoreapp2.1) (&& (== netstandard2.0) (>= netcoreapp2.0))
      System.Security.Permissions (>= 4.7) - restriction: || (&& (== net45) (>= netstandard2.0)) (&& (== net451) (>= netstandard2.0)) (&& (== net47) (>= netstandard2.0)) (== netcoreapp2.1) (== netstandard2.0)
    Microsoft.Build.Tasks.Core (16.7) - restriction: || (&& (== net45) (>= netcoreapp2.0)) (&& (== net451) (>= netcoreapp2.0)) (&& (== net47) (>= netcoreapp2.0)) (== netcoreapp2.1) (&& (== netstandard2.0) (>= netcoreapp2.0))
      Microsoft.Build.Framework (>= 16.7) - restriction: || (&& (== net45) (>= netstandard2.0)) (&& (== net451) (>= netstandard2.0)) (&& (== net47) (>= netstandard2.0)) (== netcoreapp2.1) (== netstandard2.0)
      Microsoft.Build.Utilities.Core (>= 16.7) - restriction: || (&& (== net45) (>= netstandard2.0)) (&& (== net451) (>= netstandard2.0)) (&& (== net47) (>= netstandard2.0)) (== netcoreapp2.1) (== netstandard2.0)
      Microsoft.Win32.Registry (>= 4.3) - restriction: || (&& (== net45) (>= netstandard2.0)) (&& (== net451) (>= netstandard2.0)) (&& (== net47) (>= netstandard2.0)) (== netcoreapp2.1) (== netstandard2.0)
      System.CodeDom (>= 4.4) - restriction: || (&& (== net45) (>= netstandard2.0)) (&& (== net451) (>= netstandard2.0)) (&& (== net47) (>= netstandard2.0)) (== netcoreapp2.1) (== netstandard2.0)
      System.Collections.Immutable (>= 1.5) - restriction: || (&& (== net45) (>= netstandard2.0)) (&& (== net451) (>= netstandard2.0)) (&& (== net47) (>= netstandard2.0)) (== netcoreapp2.1) (== netstandard2.0)
      System.Reflection.Metadata (>= 1.6) - restriction: || (&& (== net45) (>= netstandard2.0)) (&& (== net451) (>= netstandard2.0)) (&& (== net47) (>= netstandard2.0)) (== netcoreapp2.1) (== netstandard2.0)
      System.Reflection.TypeExtensions (>= 4.1) - restriction: || (&& (== net45) (>= netstandard2.0)) (&& (== net451) (>= netstandard2.0)) (&& (== net47) (>= netstandard2.0)) (== netcoreapp2.1) (== netstandard2.0)
      System.Resources.Extensions (>= 4.6) - restriction: || (&& (== net45) (>= netstandard2.0)) (&& (== net451) (>= netstandard2.0)) (&& (== net47) (>= netstandard2.0)) (== netcoreapp2.1) (== netstandard2.0)
      System.Security.Permissions (>= 4.7) - restriction: || (&& (== net45) (>= netstandard2.0)) (&& (== net451) (>= netstandard2.0)) (&& (== net47) (>= netstandard2.0)) (== netcoreapp2.1) (== netstandard2.0)
      System.Threading.Tasks.Dataflow (>= 4.9) - restriction: || (&& (== net45) (>= netstandard2.0)) (&& (== net451) (>= netstandard2.0)) (&& (== net47) (>= netstandard2.0)) (== netcoreapp2.1) (== netstandard2.0)
    Microsoft.Build.Utilities.Core (16.7) - restriction: || (&& (== net45) (>= netcoreapp2.0)) (&& (== net451) (>= netcoreapp2.0)) (&& (== net47) (>= netcoreapp2.0)) (== netcoreapp2.1) (&& (== netstandard2.0) (>= netcoreapp2.0))
      Microsoft.Build.Framework (>= 16.7) - restriction: || (&& (== net45) (>= netstandard2.0)) (&& (== net451) (>= netstandard2.0)) (&& (== net47) (>= netstandard2.0)) (== netcoreapp2.1) (== netstandard2.0)
      Microsoft.Win32.Registry (>= 4.3) - restriction: || (&& (== net45) (>= netstandard2.0)) (&& (== net451) (>= netstandard2.0)) (&& (== net47) (>= netstandard2.0)) (== netcoreapp2.1) (== netstandard2.0)
      System.Collections.Immutable (>= 1.5) - restriction: || (&& (== net45) (>= netstandard2.0)) (&& (== net451) (>= netstandard2.0)) (&& (== net47) (>= netstandard2.0)) (== netcoreapp2.1) (== netstandard2.0)
      System.Security.Permissions (>= 4.7) - restriction: || (&& (== net45) (>= netstandard2.0)) (&& (== net451) (>= netstandard2.0)) (&& (== net47) (>= netstandard2.0)) (== netcoreapp2.1) (== netstandard2.0)
      System.Text.Encoding.CodePages (>= 4.0.1) - restriction: || (&& (== net45) (>= netstandard2.0)) (&& (== net451) (>= netstandard2.0)) (&& (== net47) (>= netstandard2.0)) (== netcoreapp2.1) (== netstandard2.0)
    Microsoft.CodeAnalysis.Analyzers (3.3) - restriction: || (&& (== net45) (>= netstandard2.0)) (&& (== net451) (>= netstandard2.0)) (&& (== net47) (>= netstandard2.0)) (== netcoreapp2.1) (== netstandard2.0)
    Microsoft.CodeAnalysis.Common (3.7) - restriction: || (&& (== net45) (>= netstandard2.0)) (&& (== net451) (>= netstandard2.0)) (&& (== net47) (>= netstandard2.0)) (== netcoreapp2.1) (== netstandard2.0)
      Microsoft.CodeAnalysis.Analyzers (>= 3.0) - restriction: || (&& (== net45) (>= netstandard2.0)) (&& (== net451) (>= netstandard2.0)) (&& (== net47) (>= netstandard2.0)) (== netcoreapp2.1) (== netstandard2.0)
      System.Collections.Immutable (>= 1.5) - restriction: || (&& (== net45) (>= netstandard2.0)) (&& (== net451) (>= netstandard2.0)) (&& (== net47) (>= netstandard2.0)) (== netcoreapp2.1) (== netstandard2.0)
      System.Memory (>= 4.5.4) - restriction: || (&& (== net45) (>= netstandard2.0)) (&& (== net451) (>= netstandard2.0)) (&& (== net47) (>= netstandard2.0)) (== netcoreapp2.1) (== netstandard2.0)
      System.Reflection.Metadata (>= 1.6) - restriction: || (&& (== net45) (>= netstandard2.0)) (&& (== net451) (>= netstandard2.0)) (&& (== net47) (>= netstandard2.0)) (== netcoreapp2.1) (== netstandard2.0)
      System.Runtime.CompilerServices.Unsafe (>= 4.7) - restriction: || (&& (== net45) (>= netstandard2.0)) (&& (== net451) (>= netstandard2.0)) (&& (== net47) (>= netstandard2.0)) (== netcoreapp2.1) (== netstandard2.0)
      System.Text.Encoding.CodePages (>= 4.5.1) - restriction: || (&& (== net45) (>= netstandard2.0)) (&& (== net451) (>= netstandard2.0)) (&& (== net47) (>= netstandard2.0)) (== netcoreapp2.1) (== netstandard2.0)
      System.Threading.Tasks.Extensions (>= 4.5.3) - restriction: || (&& (== net45) (>= netstandard2.0)) (&& (== net451) (>= netstandard2.0)) (&& (== net47) (>= netstandard2.0)) (== netcoreapp2.1) (== netstandard2.0)
    Microsoft.CodeAnalysis.CSharp (3.7) - restriction: || (&& (== net45) (>= netstandard2.0)) (&& (== net451) (>= netstandard2.0)) (&& (== net47) (>= netstandard2.0)) (== netcoreapp2.1) (== netstandard2.0)
      Microsoft.CodeAnalysis.Common (3.7) - restriction: || (&& (== net45) (>= netstandard2.0)) (&& (== net451) (>= netstandard2.0)) (&& (== net47) (>= netstandard2.0)) (== netcoreapp2.1) (== netstandard2.0)
    Microsoft.Diagnostics.NETCore.Client (0.2.141901) - restriction: || (&& (== net45) (>= netstandard2.0)) (&& (== net451) (>= netstandard2.0)) (&& (== net47) (>= netstandard2.0)) (== netcoreapp2.1) (== netstandard2.0)
      Microsoft.Bcl.AsyncInterfaces (>= 1.1) - restriction: || (&& (== net45) (>= netstandard2.0)) (&& (== net451) (>= netstandard2.0)) (&& (== net47) (>= netstandard2.0)) (== netcoreapp2.1) (== netstandard2.0)
    Microsoft.Diagnostics.Runtime (2.0.145301) - restriction: || (&& (== net45) (>= netstandard2.0)) (&& (== net451) (>= netstandard2.0)) (&& (== net47) (>= netstandard2.0)) (== netcoreapp2.1) (== netstandard2.0)
      Microsoft.Diagnostics.NETCore.Client (>= 0.2.61701) - restriction: || (&& (== net45) (>= net461)) (&& (== net45) (>= netstandard2.0)) (&& (== net451) (>= net461)) (&& (== net451) (>= netstandard2.0)) (== net47) (== netcoreapp2.1) (== netstandard2.0)
      System.Buffers (>= 4.5.1) - restriction: || (&& (== net45) (>= net461)) (&& (== net45) (>= netstandard2.0)) (&& (== net451) (>= net461)) (&& (== net451) (>= netstandard2.0)) (== net47) (== netcoreapp2.1) (== netstandard2.0)
      System.Collections.Immutable (>= 1.7.1) - restriction: || (&& (== net45) (>= net461)) (&& (== net45) (>= netstandard2.0)) (&& (== net451) (>= net461)) (&& (== net451) (>= netstandard2.0)) (== net47) (== netcoreapp2.1) (== netstandard2.0)
      System.Memory (>= 4.5.4) - restriction: || (&& (== net45) (>= net461)) (&& (== net45) (>= netstandard2.0)) (&& (== net451) (>= net461)) (&& (== net451) (>= netstandard2.0)) (== net47) (== netcoreapp2.1) (== netstandard2.0)
      System.Reflection.Metadata (>= 1.8.1) - restriction: || (&& (== net45) (>= net461)) (&& (== net45) (>= netstandard2.0)) (&& (== net451) (>= net461)) (&& (== net451) (>= netstandard2.0)) (== net47) (== netcoreapp2.1) (== netstandard2.0)
      System.Runtime.CompilerServices.Unsafe (>= 4.7.1) - restriction: || (&& (== net45) (>= net461)) (&& (== net45) (>= netstandard2.0)) (&& (== net451) (>= net461)) (&& (== net451) (>= netstandard2.0)) (== net47) (== netcoreapp2.1) (== netstandard2.0)
    Microsoft.Diagnostics.Tracing.TraceEvent (2.0.61) - restriction: || (&& (== net45) (>= netstandard2.0)) (&& (== net451) (>= netstandard2.0)) (&& (== net47) (>= netstandard2.0)) (== netcoreapp2.1) (== netstandard2.0)
      System.Runtime.CompilerServices.Unsafe (>= 4.5.2)
    Microsoft.DotNet.PlatformAbstractions (3.1.6) - restriction: || (&& (== net45) (>= netcoreapp2.0)) (&& (== net45) (>= netstandard2.0)) (&& (== net451) (>= netcoreapp2.0)) (&& (== net451) (>= netstandard2.0)) (&& (== net47) (>= netcoreapp2.0)) (&& (== net47) (>= netstandard2.0)) (== netcoreapp2.1) (== netstandard2.0)
    Microsoft.NETCore.App (2.2.8) - restriction: || (&& (== net45) (>= netcoreapp2.0)) (&& (== net451) (>= netcoreapp2.0)) (&& (== net47) (>= netcoreapp2.0)) (== netcoreapp2.1) (&& (== netstandard2.0) (>= netcoreapp2.0))
    Microsoft.NETCore.Platforms (3.1.3) - restriction: || (&& (== net45) (>= netcoreapp2.0)) (&& (== net45) (>= netcoreapp5.0)) (&& (== net451) (< net45) (>= netstandard2.0)) (&& (== net451) (>= netcoreapp2.0)) (&& (== net451) (>= netcoreapp5.0)) (&& (== net47) (< net45) (>= netstandard2.0)) (&& (== net47) (>= netcoreapp2.0)) (&& (== net47) (>= netcoreapp5.0)) (== netcoreapp2.1) (== netstandard2.0)
    Microsoft.NETCore.Targets (3.1) - restriction: || (&& (== net45) (>= netcoreapp5.0)) (&& (== net451) (< net45) (>= netstandard2.0)) (&& (== net451) (>= netcoreapp5.0)) (&& (== net47) (< net45) (>= netstandard2.0)) (&& (== net47) (>= netcoreapp5.0)) (== netcoreapp2.1) (== netstandard2.0)
    Microsoft.TestPlatform.ObjectModel (16.7.1) - version_in_path: true, restriction: || (&& (== net45) (>= net461)) (&& (== net451) (>= net461)) (== net47) (&& (== netcoreapp2.1) (>= net461)) (&& (== netstandard2.0) (>= net461))
      NuGet.Frameworks (>= 5.0) - restriction: || (&& (== net45) (>= net451)) (&& (== net45) (>= netstandard2.0)) (== net451) (== net47) (== netcoreapp2.1) (== netstandard2.0)
      System.Reflection.Metadata (>= 1.6) - restriction: || (&& (== net45) (>= net451)) (== net451) (== net47) (&& (== netcoreapp2.1) (>= net451)) (&& (== netstandard2.0) (>= net451))
      System.Runtime.InteropServices.RuntimeInformation (>= 4.0) - restriction: || (&& (== net45) (>= net451)) (== net451) (== net47) (&& (== netcoreapp2.1) (>= net451)) (&& (== netstandard2.0) (>= net451))
    Microsoft.Win32.Registry (4.7) - restriction: || (&& (== net45) (>= netcoreapp2.0)) (&& (== net45) (>= netstandard2.0)) (&& (== net451) (>= netcoreapp2.0)) (&& (== net451) (>= netstandard2.0)) (&& (== net47) (>= netcoreapp2.0)) (&& (== net47) (>= netstandard2.0)) (== netcoreapp2.1) (== netstandard2.0)
      System.Buffers (>= 4.5) - restriction: || (&& (== net45) (>= monoandroid)) (&& (== net45) (>= monotouch)) (&& (== net45) (>= netstandard2.0)) (&& (== net45) (>= xamarinios)) (&& (== net45) (>= xamarinmac)) (&& (== net45) (>= xamarintvos)) (&& (== net45) (>= xamarinwatchos)) (&& (== net451) (>= monoandroid)) (&& (== net451) (>= monotouch)) (&& (== net451) (>= netstandard2.0)) (&& (== net451) (>= xamarinios)) (&& (== net451) (>= xamarinmac)) (&& (== net451) (>= xamarintvos)) (&& (== net451) (>= xamarinwatchos)) (&& (== net47) (>= monoandroid)) (&& (== net47) (>= monotouch)) (&& (== net47) (< net46) (>= netstandard2.0)) (&& (== net47) (>= xamarinios)) (&& (== net47) (>= xamarinmac)) (&& (== net47) (>= xamarintvos)) (&& (== net47) (>= xamarinwatchos)) (&& (== netcoreapp2.1) (>= monoandroid)) (&& (== netcoreapp2.1) (>= monotouch)) (&& (== netcoreapp2.1) (< netcoreapp2.0)) (&& (== netcoreapp2.1) (>= xamarinios)) (&& (== netcoreapp2.1) (>= xamarinmac)) (&& (== netcoreapp2.1) (>= xamarintvos)) (&& (== netcoreapp2.1) (>= xamarinwatchos)) (== netstandard2.0)
      System.Memory (>= 4.5.3) - restriction: || (&& (== net45) (>= netcoreapp2.0)) (&& (== net45) (>= netstandard2.0)) (&& (== net45) (>= uap10.1)) (&& (== net451) (>= netcoreapp2.0)) (&& (== net451) (>= netstandard2.0)) (&& (== net451) (>= uap10.1)) (&& (== net47) (< net46) (>= netstandard2.0)) (&& (== net47) (>= netcoreapp2.0)) (&& (== net47) (>= uap10.1)) (&& (== netcoreapp2.1) (< netcoreapp2.0)) (&& (== netcoreapp2.1) (>= uap10.1)) (== netstandard2.0)
      System.Security.AccessControl (>= 4.7) - restriction: || (&& (== net45) (>= monoandroid)) (&& (== net45) (>= monotouch)) (&& (== net45) (>= net461)) (&& (== net45) (>= netcoreapp2.0)) (&& (== net45) (>= netstandard2.0)) (&& (== net45) (>= xamarinios)) (&& (== net45) (>= xamarinmac)) (&& (== net45) (>= xamarintvos)) (&& (== net45) (>= xamarinwatchos)) (&& (== net451) (>= monoandroid)) (&& (== net451) (>= monotouch)) (&& (== net451) (>= net461)) (&& (== net451) (>= netcoreapp2.0)) (&& (== net451) (>= netstandard2.0)) (&& (== net451) (>= xamarinios)) (&& (== net451) (>= xamarinmac)) (&& (== net451) (>= xamarintvos)) (&& (== net451) (>= xamarinwatchos)) (== net47) (== netcoreapp2.1) (== netstandard2.0)
      System.Security.Principal.Windows (>= 4.7) - restriction: || (&& (== net45) (>= monoandroid)) (&& (== net45) (>= monotouch)) (&& (== net45) (>= net461)) (&& (== net45) (>= netcoreapp2.0)) (&& (== net45) (>= netstandard2.0)) (&& (== net45) (>= xamarinios)) (&& (== net45) (>= xamarinmac)) (&& (== net45) (>= xamarintvos)) (&& (== net45) (>= xamarinwatchos)) (&& (== net451) (>= monoandroid)) (&& (== net451) (>= monotouch)) (&& (== net451) (>= net461)) (&& (== net451) (>= netcoreapp2.0)) (&& (== net451) (>= netstandard2.0)) (&& (== net451) (>= xamarinios)) (&& (== net451) (>= xamarinmac)) (&& (== net451) (>= xamarintvos)) (&& (== net451) (>= xamarinwatchos)) (== net47) (== netcoreapp2.1) (== netstandard2.0)
    Mono.Cecil (0.11.3) - restriction: || (&& (== net45) (>= net461)) (&& (== net45) (>= netcoreapp2.0)) (&& (== net45) (>= netstandard2.0)) (&& (== net451) (>= net461)) (&& (== net451) (>= netcoreapp2.0)) (&& (== net451) (>= netstandard2.0)) (== net47) (== netcoreapp2.1) (== netstandard2.0)
    NETStandard.Library (2.0.3) - restriction: || (&& (== net45) (>= netcoreapp2.0)) (&& (== net451) (>= netcoreapp2.0)) (&& (== net47) (>= netcoreapp2.0)) (== netcoreapp2.1) (&& (== netstandard2.0) (>= netcoreapp2.0))
      Microsoft.NETCore.Platforms (>= 1.1)
    Newtonsoft.Json (12.0.3)
    NuGet.Frameworks (5.7.0+b804bf4ba62c0b47c77bbf3e22e196b57cd7a556) - version_in_path: true, restriction: || (&& (== net45) (>= net461)) (&& (== net451) (>= net461)) (== net47) (&& (== netcoreapp2.1) (>= net461)) (&& (== netstandard2.0) (>= net461))
    Paket.Core (5.249.2) - restriction: || (&& (== net45) (>= netcoreapp2.0)) (&& (== net451) (>= netcoreapp2.0)) (&& (== net47) (>= netcoreapp2.0)) (== netcoreapp2.1) (&& (== netstandard2.0) (>= netcoreapp2.0))
      Chessie (>= 0.6)
      Mono.Cecil (>= 0.10.0-beta6)
      Newtonsoft.Json (>= 10.0.3) - restriction: || (&& (== net451) (< net45) (>= netstandard2.0)) (&& (== net47) (< net45) (>= netstandard2.0)) (== netcoreapp2.1) (== netstandard2.0)
      System.Net.Http.WinHttpHandler (>= 4.5) - restriction: || (&& (== net451) (< net45) (>= netstandard2.0)) (&& (== net47) (< net45) (>= netstandard2.0)) (== netcoreapp2.1) (== netstandard2.0)
      System.Security.Cryptography.ProtectedData (>= 4.4) - restriction: || (&& (== net451) (< net45) (>= netstandard2.0)) (&& (== net47) (< net45) (>= netstandard2.0)) (== netcoreapp2.1) (== netstandard2.0)
    Perfolizer (0.2.1) - restriction: || (&& (== net45) (>= netstandard2.0)) (&& (== net451) (>= netstandard2.0)) (&& (== net47) (>= netstandard2.0)) (== netcoreapp2.1) (== netstandard2.0)
      System.Memory (>= 4.5.3) - restriction: || (&& (== net45) (>= netstandard2.0)) (&& (== net451) (>= netstandard2.0)) (&& (== net47) (>= netstandard2.0)) (== netcoreapp2.1) (== netstandard2.0)
    System.Buffers (4.5.1) - restriction: || (&& (== net45) (>= netcoreapp2.0)) (&& (== net45) (>= netstandard2.0)) (&& (== net45) (>= xamarinios)) (&& (== net45) (>= xamarinmac)) (&& (== net451) (>= netcoreapp2.0)) (&& (== net451) (>= netstandard2.0)) (&& (== net451) (>= xamarinios)) (&& (== net451) (>= xamarinmac)) (&& (== net47) (>= netcoreapp2.0)) (&& (== net47) (>= netstandard2.0)) (&& (== net47) (>= xamarinios)) (&& (== net47) (>= xamarinmac)) (== netcoreapp2.1) (== netstandard2.0)
    System.CodeDom (4.7) - restriction: || (&& (== net45) (>= netcoreapp2.0)) (&& (== net451) (< net45) (>= netstandard2.0)) (&& (== net451) (>= netcoreapp2.0)) (&& (== net47) (< net45) (>= netstandard2.0)) (&& (== net47) (>= netcoreapp2.0)) (== netcoreapp2.1) (== netstandard2.0)
    System.Collections.Immutable (1.7.1) - restriction: || (&& (== net45) (>= net461)) (&& (== net45) (>= netcoreapp2.0)) (&& (== net45) (>= netstandard2.0)) (&& (== net451) (>= net461)) (&& (== net451) (>= netcoreapp2.0)) (&& (== net451) (>= netstandard2.0)) (== net47) (== netcoreapp2.1) (== netstandard2.0)
      System.Memory (>= 4.5.4) - restriction: || (&& (== net45) (>= net46)) (&& (== net45) (>= net461)) (&& (== net45) (>= uap10.1)) (&& (== net451) (< net45) (>= netstandard1.3)) (&& (== net451) (< net45) (>= netstandard2.0)) (&& (== net451) (>= net46)) (&& (== net451) (>= net461)) (&& (== net451) (>= uap10.1)) (== net47) (&& (== netcoreapp2.1) (>= net461)) (&& (== netcoreapp2.1) (< netstandard2.0)) (&& (== netcoreapp2.1) (>= uap10.1)) (== netstandard2.0)
    System.Configuration.ConfigurationManager (4.7) - restriction: || (&& (== net45) (>= netstandard2.0)) (&& (== net451) (>= netstandard2.0)) (&& (== net47) (>= netstandard2.0)) (== netcoreapp2.1) (== netstandard2.0)
      System.Security.Cryptography.ProtectedData (>= 4.7) - restriction: || (&& (== net45) (>= netstandard2.0)) (&& (== net451) (>= netstandard2.0)) (&& (== net47) (< net461) (>= netstandard2.0)) (== netcoreapp2.1) (== netstandard2.0)
      System.Security.Permissions (>= 4.7) - restriction: || (&& (== net45) (>= monoandroid)) (&& (== net45) (>= monotouch)) (&& (== net45) (>= net461)) (&& (== net45) (>= netstandard2.0)) (&& (== net45) (>= xamarintvos)) (&& (== net45) (>= xamarinwatchos)) (&& (== net451) (>= monoandroid)) (&& (== net451) (>= monotouch)) (&& (== net451) (>= net461)) (&& (== net451) (>= netstandard2.0)) (&& (== net451) (>= xamarintvos)) (&& (== net451) (>= xamarinwatchos)) (== net47) (== netcoreapp2.1) (== netstandard2.0)
    System.Data.SQLite.Core (1.0.113.1)
    System.Diagnostics.FileVersionInfo (4.3) - restriction: || (&& (== net45) (>= netstandard2.0)) (&& (== net451) (>= netstandard2.0)) (&& (== net47) (< net461) (>= netstandard2.0)) (== netcoreapp2.1) (== netstandard2.0)
      Microsoft.NETCore.Platforms (>= 1.1) - restriction: || (&& (== net45) (>= netcoreapp5.0)) (&& (== net45) (>= netstandard1.3)) (&& (== net451) (>= netcoreapp5.0)) (&& (== net451) (>= netstandard1.3)) (&& (== net47) (< net46)) (&& (== net47) (>= netcoreapp5.0)) (== netcoreapp2.1) (== netstandard2.0)
      System.Globalization (>= 4.3) - restriction: || (&& (== net45) (>= netstandard1.3)) (&& (== net451) (>= netstandard1.3)) (&& (== net47) (< net46)) (== netcoreapp2.1) (== netstandard2.0)
      System.IO (>= 4.3) - restriction: || (&& (== net45) (>= netcoreapp5.0)) (&& (== net45) (>= netstandard1.3)) (&& (== net451) (>= netcoreapp5.0)) (&& (== net451) (>= netstandard1.3)) (&& (== net47) (< net46)) (&& (== net47) (>= netcoreapp5.0)) (== netcoreapp2.1) (== netstandard2.0)
      System.IO.FileSystem (>= 4.3) - restriction: || (&& (== net45) (>= netcoreapp5.0)) (&& (== net45) (>= netstandard1.3)) (&& (== net451) (>= netcoreapp5.0)) (&& (== net451) (>= netstandard1.3)) (&& (== net47) (< net46)) (&& (== net47) (>= netcoreapp5.0)) (== netcoreapp2.1) (== netstandard2.0)
      System.IO.FileSystem.Primitives (>= 4.3) - restriction: || (&& (== net45) (>= netcoreapp5.0)) (&& (== net45) (>= netstandard1.3)) (&& (== net451) (>= netcoreapp5.0)) (&& (== net451) (>= netstandard1.3)) (&& (== net47) (< net46)) (&& (== net47) (>= netcoreapp5.0)) (== netcoreapp2.1) (== netstandard2.0)
      System.Reflection.Metadata (>= 1.4.1) - restriction: || (&& (== net45) (>= netcoreapp5.0)) (&& (== net45) (>= netstandard1.3)) (&& (== net451) (>= netcoreapp5.0)) (&& (== net451) (>= netstandard1.3)) (&& (== net47) (< net46)) (&& (== net47) (>= netcoreapp5.0)) (== netcoreapp2.1) (== netstandard2.0)
      System.Runtime (>= 4.3) - restriction: || (&& (== net45) (>= netcoreapp5.0)) (&& (== net45) (>= netstandard1.3)) (&& (== net451) (>= netcoreapp5.0)) (&& (== net451) (>= netstandard1.3)) (&& (== net47) (< net46)) (&& (== net47) (>= netcoreapp5.0)) (== netcoreapp2.1) (== netstandard2.0)
      System.Runtime.Extensions (>= 4.3) - restriction: || (&& (== net45) (>= netcoreapp5.0)) (&& (== net45) (>= netstandard1.3)) (&& (== net451) (>= netcoreapp5.0)) (&& (== net451) (>= netstandard1.3)) (&& (== net47) (< net46)) (&& (== net47) (>= netcoreapp5.0)) (== netcoreapp2.1) (== netstandard2.0)
      System.Runtime.InteropServices (>= 4.3) - restriction: || (&& (== net45) (>= netstandard1.3)) (&& (== net451) (>= netstandard1.3)) (&& (== net47) (< net46)) (== netcoreapp2.1) (== netstandard2.0)
    System.Globalization (4.3) - restriction: || (&& (== net45) (>= netstandard2.0)) (&& (== net451) (>= netstandard2.0)) (&& (== net47) (< net46) (>= netstandard2.0)) (== netcoreapp2.1) (== netstandard2.0)
      Microsoft.NETCore.Platforms (>= 1.1) - restriction: || (&& (== net45) (>= netcoreapp5.0)) (&& (== net451) (< net45)) (&& (== net451) (>= netcoreapp5.0)) (&& (== net47) (< net45)) (&& (== net47) (>= netcoreapp5.0)) (== netcoreapp2.1) (== netstandard2.0)
      Microsoft.NETCore.Targets (>= 1.1) - restriction: || (&& (== net45) (>= netcoreapp5.0)) (&& (== net451) (< net45)) (&& (== net451) (>= netcoreapp5.0)) (&& (== net47) (< net45)) (&& (== net47) (>= netcoreapp5.0)) (== netcoreapp2.1) (== netstandard2.0)
      System.Runtime (>= 4.3) - restriction: || (&& (== net45) (>= netcoreapp5.0)) (&& (== net451) (< net45)) (&& (== net451) (>= netcoreapp5.0)) (&& (== net47) (< net45)) (&& (== net47) (>= netcoreapp5.0)) (== netcoreapp2.1) (== netstandard2.0)
    System.IO (4.3) - restriction: || (&& (== net45) (>= netcoreapp2.0)) (&& (== net45) (>= netcoreapp5.0)) (&& (== net45) (>= netstandard2.0)) (&& (== net451) (>= netcoreapp2.0)) (&& (== net451) (>= netcoreapp5.0)) (&& (== net451) (>= netstandard2.0)) (&& (== net47) (< net46) (>= netstandard2.0)) (&& (== net47) (>= netcoreapp2.0)) (&& (== net47) (>= netcoreapp5.0)) (== netcoreapp2.1) (== netstandard2.0)
      Microsoft.NETCore.Platforms (>= 1.1) - restriction: || (&& (== net45) (>= netcoreapp5.0)) (&& (== net451) (< net45)) (&& (== net451) (>= netcoreapp5.0)) (&& (== net47) (< net45)) (&& (== net47) (>= netcoreapp5.0)) (== netcoreapp2.1) (== netstandard2.0)
      Microsoft.NETCore.Targets (>= 1.1) - restriction: || (&& (== net45) (>= netcoreapp5.0)) (&& (== net451) (< net45)) (&& (== net451) (>= netcoreapp5.0)) (&& (== net47) (< net45)) (&& (== net47) (>= netcoreapp5.0)) (== netcoreapp2.1) (== netstandard2.0)
      System.Runtime (>= 4.3) - restriction: || (&& (== net45) (>= netcoreapp5.0)) (&& (== net451) (< net45)) (&& (== net451) (>= netcoreapp5.0)) (&& (== net47) (< net45)) (&& (== net47) (>= netcoreapp5.0)) (== netcoreapp2.1) (== netstandard2.0)
      System.Text.Encoding (>= 4.3) - restriction: || (&& (== net45) (>= netcoreapp5.0)) (&& (== net451) (< net45)) (&& (== net451) (>= netcoreapp5.0)) (&& (== net47) (< net45)) (&& (== net47) (>= netcoreapp5.0)) (== netcoreapp2.1) (== netstandard2.0)
      System.Threading.Tasks (>= 4.3) - restriction: || (&& (== net45) (>= netcoreapp5.0)) (&& (== net451) (< net45)) (&& (== net451) (>= netcoreapp5.0)) (&& (== net47) (< net45)) (&& (== net47) (>= netcoreapp5.0)) (== netcoreapp2.1) (== netstandard2.0)
    System.IO.FileSystem (4.3) - restriction: || (&& (== net45) (>= netcoreapp5.0)) (&& (== net45) (>= netstandard2.0)) (&& (== net451) (>= netcoreapp5.0)) (&& (== net451) (>= netstandard2.0)) (&& (== net47) (< net46) (>= netstandard2.0)) (&& (== net47) (>= netcoreapp5.0)) (== netcoreapp2.1) (== netstandard2.0)
      Microsoft.NETCore.Platforms (>= 1.1) - restriction: || (&& (== net45) (>= netstandard1.3)) (&& (== net451) (>= netstandard1.3)) (&& (== net47) (< net46)) (== netcoreapp2.1) (== netstandard2.0)
      Microsoft.NETCore.Targets (>= 1.1) - restriction: || (&& (== net45) (>= netstandard1.3)) (&& (== net451) (>= netstandard1.3)) (&& (== net47) (< net46)) (== netcoreapp2.1) (== netstandard2.0)
      System.IO (>= 4.3) - restriction: || (&& (== net45) (>= netstandard1.3)) (&& (== net451) (>= netstandard1.3)) (&& (== net47) (< net46)) (== netcoreapp2.1) (== netstandard2.0)
      System.IO.FileSystem.Primitives (>= 4.3) - restriction: || (&& (== net45) (>= net46)) (&& (== net45) (>= netstandard1.3)) (&& (== net451) (>= net46)) (&& (== net451) (>= netstandard1.3)) (== net47) (== netcoreapp2.1) (== netstandard2.0)
      System.Runtime (>= 4.3) - restriction: || (&& (== net45) (>= netstandard1.3)) (&& (== net451) (>= netstandard1.3)) (&& (== net47) (< net46)) (== netcoreapp2.1) (== netstandard2.0)
      System.Runtime.Handles (>= 4.3) - restriction: || (&& (== net45) (>= netstandard1.3)) (&& (== net451) (>= netstandard1.3)) (&& (== net47) (< net46)) (== netcoreapp2.1) (== netstandard2.0)
      System.Text.Encoding (>= 4.3) - restriction: || (&& (== net45) (>= netstandard1.3)) (&& (== net451) (>= netstandard1.3)) (&& (== net47) (< net46)) (== netcoreapp2.1) (== netstandard2.0)
      System.Threading.Tasks (>= 4.3) - restriction: || (&& (== net45) (>= netstandard1.3)) (&& (== net451) (>= netstandard1.3)) (&& (== net47) (< net46)) (== netcoreapp2.1) (== netstandard2.0)
    System.IO.FileSystem.Primitives (4.3) - restriction: || (&& (== net45) (>= netcoreapp5.0)) (&& (== net45) (>= netstandard2.0)) (&& (== net451) (>= netcoreapp5.0)) (&& (== net451) (>= netstandard2.0)) (&& (== net47) (< net46) (>= netstandard2.0)) (&& (== net47) (>= netcoreapp5.0)) (== netcoreapp2.1) (== netstandard2.0)
      System.Runtime (>= 4.3) - restriction: || (&& (== net45) (>= netstandard1.3)) (&& (== net451) (>= netstandard1.3)) (&& (== net47) (< net46)) (== netcoreapp2.1) (== netstandard2.0)
    System.Management (4.7) - restriction: || (&& (== net45) (>= netstandard2.0)) (&& (== net451) (>= netstandard2.0)) (&& (== net47) (>= netstandard2.0)) (== netcoreapp2.1) (== netstandard2.0)
      Microsoft.NETCore.Platforms (>= 3.1) - restriction: || (&& (== net45) (>= netcoreapp2.0)) (&& (== net451) (>= netcoreapp2.0)) (&& (== net47) (>= netcoreapp2.0)) (== netcoreapp2.1) (&& (== netstandard2.0) (>= netcoreapp2.0))
      Microsoft.Win32.Registry (>= 4.7) - restriction: || (&& (== net45) (>= netcoreapp2.0)) (&& (== net451) (>= netcoreapp2.0)) (&& (== net47) (>= netcoreapp2.0)) (== netcoreapp2.1) (&& (== netstandard2.0) (>= netcoreapp2.0))
      System.CodeDom (>= 4.7) - restriction: || (&& (== net45) (>= netcoreapp2.0)) (&& (== net451) (< net45) (>= netstandard2.0)) (&& (== net451) (>= netcoreapp2.0)) (&& (== net47) (< net45) (>= netstandard2.0)) (&& (== net47) (>= netcoreapp2.0)) (== netcoreapp2.1) (== netstandard2.0)
    System.Memory (4.5.4) - restriction: || (&& (== net45) (>= netcoreapp2.0)) (&& (== net45) (>= netstandard2.0)) (&& (== net451) (>= netcoreapp2.0)) (&& (== net451) (>= netstandard2.0)) (&& (== net47) (>= netcoreapp2.0)) (&& (== net47) (>= netstandard2.0)) (== netcoreapp2.1) (== netstandard2.0)
      System.Buffers (>= 4.5.1) - restriction: || (== net45) (== net451) (== net47) (&& (== netcoreapp2.1) (>= monoandroid)) (&& (== netcoreapp2.1) (>= monotouch)) (&& (== netcoreapp2.1) (>= net461)) (&& (== netcoreapp2.1) (< netcoreapp2.0)) (&& (== netcoreapp2.1) (< netstandard1.1)) (&& (== netcoreapp2.1) (< netstandard2.0)) (&& (== netcoreapp2.1) (>= xamarinios)) (&& (== netcoreapp2.1) (>= xamarinmac)) (&& (== netcoreapp2.1) (>= xamarintvos)) (&& (== netcoreapp2.1) (>= xamarinwatchos)) (== netstandard2.0)
      System.Numerics.Vectors (>= 4.4) - restriction: || (&& (== net451) (< net45) (>= netstandard2.0)) (&& (== net47) (< net45) (>= netstandard2.0)) (&& (== netcoreapp2.1) (< netcoreapp2.0)) (== netstandard2.0)
      System.Runtime.CompilerServices.Unsafe (>= 4.5.3) - restriction: || (== net45) (== net451) (== net47) (&& (== netcoreapp2.1) (>= monoandroid)) (&& (== netcoreapp2.1) (>= monotouch)) (&& (== netcoreapp2.1) (>= net461)) (&& (== netcoreapp2.1) (< netcoreapp2.0)) (&& (== netcoreapp2.1) (< netstandard1.1)) (&& (== netcoreapp2.1) (< netstandard2.0)) (&& (== netcoreapp2.1) (>= uap10.1)) (&& (== netcoreapp2.1) (>= xamarinios)) (&& (== netcoreapp2.1) (>= xamarinmac)) (&& (== netcoreapp2.1) (>= xamarintvos)) (&& (== netcoreapp2.1) (>= xamarinwatchos)) (== netstandard2.0)
    System.Net.Http.WinHttpHandler (4.7.2) - restriction: || (&& (== net45) (>= netcoreapp2.0)) (&& (== net451) (>= netcoreapp2.0)) (&& (== net47) (>= netcoreapp2.0)) (== netcoreapp2.1) (&& (== netstandard2.0) (>= netcoreapp2.0))
    System.Numerics.Vectors (4.5) - restriction: || (&& (== net45) (== netcoreapp2.1)) (&& (== net451) (== netcoreapp2.1)) (&& (== net451) (< net45) (>= netstandard2.0)) (&& (== net47) (== netcoreapp2.1)) (&& (== net47) (< net45) (>= netstandard2.0)) (&& (== netcoreapp2.1) (< netcoreapp2.0)) (== netstandard2.0)
    System.Reflection (4.3) - restriction: || (&& (== net45) (>= netcoreapp1.1) (>= netstandard2.0)) (&& (== net45) (>= netcoreapp2.0)) (&& (== net451) (< net45) (>= netstandard2.0)) (&& (== net451) (>= netcoreapp1.1) (>= netstandard2.0)) (&& (== net451) (>= netcoreapp2.0)) (&& (== net47) (< net45) (>= netstandard2.0)) (&& (== net47) (>= netcoreapp1.1) (>= netstandard2.0)) (&& (== net47) (>= netcoreapp2.0)) (== netcoreapp2.1) (== netstandard2.0)
      Microsoft.NETCore.Platforms (>= 1.1) - restriction: || (&& (== net45) (>= netcoreapp5.0)) (&& (== net451) (< net45)) (&& (== net451) (>= netcoreapp5.0)) (&& (== net47) (< net45)) (&& (== net47) (>= netcoreapp5.0)) (== netcoreapp2.1) (== netstandard2.0)
      Microsoft.NETCore.Targets (>= 1.1) - restriction: || (&& (== net45) (>= netcoreapp5.0)) (&& (== net451) (< net45)) (&& (== net451) (>= netcoreapp5.0)) (&& (== net47) (< net45)) (&& (== net47) (>= netcoreapp5.0)) (== netcoreapp2.1) (== netstandard2.0)
      System.IO (>= 4.3) - restriction: || (&& (== net45) (>= netcoreapp5.0)) (&& (== net451) (< net45)) (&& (== net451) (>= netcoreapp5.0)) (&& (== net47) (< net45)) (&& (== net47) (>= netcoreapp5.0)) (== netcoreapp2.1) (== netstandard2.0)
      System.Reflection.Primitives (>= 4.3) - restriction: || (&& (== net45) (>= netcoreapp5.0)) (&& (== net451) (< net45)) (&& (== net451) (>= netcoreapp5.0)) (&& (== net47) (< net45)) (&& (== net47) (>= netcoreapp5.0)) (== netcoreapp2.1) (== netstandard2.0)
      System.Runtime (>= 4.3) - restriction: || (&& (== net45) (>= netcoreapp5.0)) (&& (== net451) (< net45)) (&& (== net451) (>= netcoreapp5.0)) (&& (== net47) (< net45)) (&& (== net47) (>= netcoreapp5.0)) (== netcoreapp2.1) (== netstandard2.0)
    System.Reflection.Emit (4.7) - restriction: || (&& (== net45) (>= netcoreapp2.0)) (&& (== net45) (>= netstandard2.0)) (&& (== net451) (>= netcoreapp2.0)) (&& (== net451) (>= netstandard2.0)) (&& (== net47) (>= netcoreapp2.0)) (&& (== net47) (>= netstandard2.0)) (== netcoreapp2.1) (== netstandard2.0)
      System.Reflection.Emit.ILGeneration (>= 4.7) - restriction: || (&& (== net45) (>= netcoreapp5.0)) (&& (== net45) (< netstandard1.1)) (&& (== net45) (>= uap10.1)) (&& (== net45) (>= wpa81)) (&& (== net451) (< net45)) (&& (== net451) (>= netcoreapp5.0)) (&& (== net451) (< netstandard1.1)) (&& (== net451) (>= uap10.1)) (&& (== net451) (>= wpa81)) (&& (== net47) (< net45)) (&& (== net47) (>= netcoreapp5.0)) (&& (== net47) (< netstandard1.1)) (&& (== net47) (>= uap10.1)) (&& (== net47) (>= wpa81)) (&& (== netcoreapp2.1) (< netcoreapp2.0)) (&& (== netcoreapp2.1) (>= netcoreapp5.0)) (&& (== netcoreapp2.1) (< netstandard1.1)) (&& (== netcoreapp2.1) (< netstandard2.0)) (&& (== netcoreapp2.1) (>= uap10.1)) (== netstandard2.0)
    System.Reflection.Emit.ILGeneration (4.7) - restriction: || (&& (== net45) (== netcoreapp2.1)) (&& (== net45) (>= netcoreapp5.0)) (&& (== net45) (< netstandard1.1) (>= netstandard2.0)) (&& (== net45) (>= netstandard2.0) (>= uap10.1)) (&& (== net45) (>= netstandard2.0) (>= wpa81)) (&& (== net451) (== netcoreapp2.1)) (&& (== net451) (< net45) (>= netstandard2.0)) (&& (== net451) (>= netcoreapp5.0)) (&& (== net451) (< netstandard1.1) (>= netstandard2.0)) (&& (== net451) (>= netstandard2.0) (>= uap10.1)) (&& (== net451) (>= netstandard2.0) (>= wpa81)) (&& (== net47) (== netcoreapp2.1)) (&& (== net47) (< net45) (>= netstandard2.0)) (&& (== net47) (>= netcoreapp5.0)) (&& (== net47) (< netstandard1.1) (>= netstandard2.0)) (&& (== net47) (>= netstandard2.0) (>= uap10.1)) (&& (== net47) (>= netstandard2.0) (>= wpa81)) (&& (== netcoreapp2.1) (< netcoreapp2.0)) (&& (== netcoreapp2.1) (>= netcoreapp5.0)) (&& (== netcoreapp2.1) (< netstandard1.1)) (&& (== netcoreapp2.1) (< netstandard2.0)) (&& (== netcoreapp2.1) (>= uap10.1)) (== netstandard2.0)
    System.Reflection.Emit.Lightweight (4.7) - restriction: || (&& (== net45) (>= netstandard2.0)) (&& (== net451) (>= netstandard2.0)) (&& (== net47) (>= netstandard2.0)) (== netcoreapp2.1) (== netstandard2.0)
      System.Reflection.Emit.ILGeneration (>= 4.7) - restriction: || (&& (== net45) (>= netcoreapp5.0)) (&& (== net45) (< portable-net45+wp8)) (&& (== net45) (>= uap10.1)) (&& (== net45) (>= wpa81)) (&& (== net451) (< net45)) (&& (== net451) (>= netcoreapp5.0)) (&& (== net451) (< portable-net45+wp8)) (&& (== net451) (>= uap10.1)) (&& (== net451) (>= wpa81)) (&& (== net47) (< net45)) (&& (== net47) (>= netcoreapp5.0)) (&& (== net47) (< portable-net45+wp8)) (&& (== net47) (>= uap10.1)) (&& (== net47) (>= wpa81)) (&& (== netcoreapp2.1) (< netcoreapp2.0)) (&& (== netcoreapp2.1) (>= netcoreapp5.0)) (&& (== netcoreapp2.1) (< netstandard2.0)) (&& (== netcoreapp2.1) (< portable-net45+wp8)) (&& (== netcoreapp2.1) (>= uap10.1)) (== netstandard2.0)
    System.Reflection.Metadata (1.8.1) - version_in_path: true, restriction: || (&& (== net45) (>= net461)) (&& (== net45) (>= netcoreapp2.0)) (&& (== net45) (>= netcoreapp5.0)) (&& (== net45) (>= netstandard2.0)) (&& (== net451) (>= net461)) (&& (== net451) (>= netcoreapp2.0)) (&& (== net451) (>= netcoreapp5.0)) (&& (== net451) (>= netstandard2.0)) (== net47) (== netcoreapp2.1) (== netstandard2.0)
      System.Collections.Immutable (>= 1.7.1)
    System.Reflection.Primitives (4.3) - restriction: || (&& (== net45) (>= netcoreapp1.1) (>= netstandard2.0)) (&& (== net451) (< net45) (>= netstandard2.0)) (&& (== net451) (>= netcoreapp1.1) (>= netstandard2.0)) (&& (== net47) (< net45) (>= netstandard2.0)) (&& (== net47) (>= netcoreapp1.1) (>= netstandard2.0)) (== netcoreapp2.1) (== netstandard2.0)
      Microsoft.NETCore.Platforms (>= 1.1) - restriction: || (&& (== net45) (>= netcoreapp5.0)) (&& (== net451) (< net45)) (&& (== net451) (>= netcoreapp5.0)) (&& (== net47) (< net45)) (&& (== net47) (>= netcoreapp5.0)) (== netcoreapp2.1) (== netstandard2.0)
      Microsoft.NETCore.Targets (>= 1.1) - restriction: || (&& (== net45) (>= netcoreapp5.0)) (&& (== net451) (< net45)) (&& (== net451) (>= netcoreapp5.0)) (&& (== net47) (< net45)) (&& (== net47) (>= netcoreapp5.0)) (== netcoreapp2.1) (== netstandard2.0)
      System.Runtime (>= 4.3) - restriction: || (&& (== net45) (>= netcoreapp5.0)) (&& (== net451) (< net45)) (&& (== net451) (>= netcoreapp5.0)) (&& (== net47) (< net45)) (&& (== net47) (>= netcoreapp5.0)) (== netcoreapp2.1) (== netstandard2.0)
    System.Reflection.TypeExtensions (4.7) - restriction: || (&& (== net45) (>= netcoreapp2.0)) (&& (== net451) (>= netcoreapp2.0)) (&& (== net47) (>= netcoreapp2.0)) (== netcoreapp2.1) (&& (== netstandard2.0) (>= netcoreapp2.0))
    System.Resources.Extensions (4.7.1) - restriction: || (&& (== net45) (>= netcoreapp2.0)) (&& (== net451) (>= netcoreapp2.0)) (&& (== net47) (>= netcoreapp2.0)) (== netcoreapp2.1) (&& (== netstandard2.0) (>= netcoreapp2.0))
    System.Runtime (4.3.1) - restriction: || (&& (== net45) (>= netcoreapp2.0)) (&& (== net45) (>= netcoreapp5.0)) (&& (== net45) (>= netstandard2.0)) (&& (== net451) (>= netcoreapp2.0)) (&& (== net451) (>= netcoreapp5.0)) (&& (== net451) (>= netstandard2.0)) (&& (== net47) (< net45) (>= netstandard2.0)) (&& (== net47) (< net46) (>= netstandard2.0)) (&& (== net47) (>= netcoreapp2.0)) (&& (== net47) (>= netcoreapp5.0)) (== netcoreapp2.1) (== netstandard2.0)
      Microsoft.NETCore.Platforms (>= 1.1.1) - restriction: || (&& (== net45) (>= netcoreapp5.0)) (&& (== net451) (< net45)) (&& (== net451) (>= netcoreapp5.0)) (&& (== net47) (< net45)) (&& (== net47) (>= netcoreapp5.0)) (== netcoreapp2.1) (== netstandard2.0)
      Microsoft.NETCore.Targets (>= 1.1.3) - restriction: || (&& (== net45) (>= netcoreapp5.0)) (&& (== net451) (< net45)) (&& (== net451) (>= netcoreapp5.0)) (&& (== net47) (< net45)) (&& (== net47) (>= netcoreapp5.0)) (== netcoreapp2.1) (== netstandard2.0)
    System.Runtime.CompilerServices.Unsafe (4.7.1) - restriction: || (&& (== net45) (>= netstandard2.0)) (&& (== net451) (>= netstandard2.0)) (&& (== net47) (>= netstandard2.0)) (== netcoreapp2.1) (== netstandard2.0)
    System.Runtime.Extensions (4.3.1) - restriction: || (&& (== net45) (>= netcoreapp5.0)) (&& (== net45) (>= netstandard2.0)) (&& (== net451) (>= netcoreapp5.0)) (&& (== net451) (>= netstandard2.0)) (&& (== net47) (< net46) (>= netstandard2.0)) (&& (== net47) (>= netcoreapp5.0)) (== netcoreapp2.1) (== netstandard2.0)
      Microsoft.NETCore.Platforms (>= 1.1.1) - restriction: || (&& (== net45) (>= netcoreapp5.0)) (&& (== net451) (< net45)) (&& (== net451) (>= netcoreapp5.0)) (&& (== net47) (< net45)) (&& (== net47) (>= netcoreapp5.0)) (== netcoreapp2.1) (== netstandard2.0)
      Microsoft.NETCore.Targets (>= 1.1.3) - restriction: || (&& (== net45) (>= netcoreapp5.0)) (&& (== net451) (< net45)) (&& (== net451) (>= netcoreapp5.0)) (&& (== net47) (< net45)) (&& (== net47) (>= netcoreapp5.0)) (== netcoreapp2.1) (== netstandard2.0)
      System.Runtime (>= 4.3.1) - restriction: || (&& (== net45) (>= netcoreapp5.0)) (&& (== net451) (< net45)) (&& (== net451) (>= netcoreapp5.0)) (&& (== net47) (< net45)) (&& (== net47) (>= netcoreapp5.0)) (== netcoreapp2.1) (== netstandard2.0)
    System.Runtime.Handles (4.3) - restriction: || (&& (== net45) (>= netcoreapp5.0)) (&& (== net45) (>= netstandard2.0)) (&& (== net451) (>= netcoreapp5.0)) (&& (== net451) (>= netstandard2.0)) (&& (== net47) (< net46) (>= netstandard2.0)) (&& (== net47) (>= netcoreapp5.0)) (== netcoreapp2.1) (== netstandard2.0)
      Microsoft.NETCore.Platforms (>= 1.1) - restriction: || (&& (== net45) (>= netstandard1.3)) (&& (== net451) (>= netstandard1.3)) (&& (== net47) (< net46)) (== netcoreapp2.1) (== netstandard2.0)
      Microsoft.NETCore.Targets (>= 1.1) - restriction: || (&& (== net45) (>= netstandard1.3)) (&& (== net451) (>= netstandard1.3)) (&& (== net47) (< net46)) (== netcoreapp2.1) (== netstandard2.0)
      System.Runtime (>= 4.3) - restriction: || (&& (== net45) (>= netstandard1.3)) (&& (== net451) (>= netstandard1.3)) (&& (== net47) (< net46)) (== netcoreapp2.1) (== netstandard2.0)
    System.Runtime.InteropServices (4.3) - restriction: || (&& (== net45) (>= netstandard2.0)) (&& (== net451) (>= netstandard2.0)) (&& (== net47) (< net46) (>= netstandard2.0)) (== netcoreapp2.1) (== netstandard2.0)
      Microsoft.NETCore.Platforms (>= 1.1) - restriction: || (&& (== net45) (>= netcoreapp1.1)) (&& (== net451) (< net45)) (&& (== net451) (>= netcoreapp1.1)) (&& (== net47) (< net45)) (&& (== net47) (>= netcoreapp1.1)) (== netcoreapp2.1) (== netstandard2.0)
      Microsoft.NETCore.Targets (>= 1.1) - restriction: || (&& (== net45) (>= netcoreapp1.1)) (&& (== net451) (< net45)) (&& (== net451) (>= netcoreapp1.1)) (&& (== net47) (< net45)) (&& (== net47) (>= netcoreapp1.1)) (== netcoreapp2.1) (== netstandard2.0)
      System.Reflection (>= 4.3) - restriction: || (&& (== net45) (>= netcoreapp1.1)) (&& (== net451) (< net45)) (&& (== net451) (>= netcoreapp1.1)) (&& (== net47) (< net45)) (&& (== net47) (>= netcoreapp1.1)) (== netcoreapp2.1) (== netstandard2.0)
      System.Reflection.Primitives (>= 4.3) - restriction: || (&& (== net45) (>= netcoreapp1.1)) (&& (== net451) (< net45)) (&& (== net451) (>= netcoreapp1.1)) (&& (== net47) (< net45)) (&& (== net47) (>= netcoreapp1.1)) (== netcoreapp2.1) (== netstandard2.0)
      System.Runtime (>= 4.3) - restriction: || (&& (== net45) (>= net462)) (&& (== net45) (>= netcoreapp1.1)) (&& (== net451) (< net45)) (&& (== net451) (>= net462)) (&& (== net451) (>= netcoreapp1.1)) (== net47) (== netcoreapp2.1) (== netstandard2.0)
      System.Runtime.Handles (>= 4.3) - restriction: || (&& (== net45) (>= netcoreapp1.1)) (&& (== net451) (< net45) (>= netstandard1.3)) (&& (== net451) (< net45) (>= netstandard1.5)) (&& (== net451) (>= netcoreapp1.1)) (&& (== net47) (< net45)) (&& (== net47) (>= netcoreapp1.1)) (== netcoreapp2.1) (== netstandard2.0)
    System.Runtime.InteropServices.RuntimeInformation (4.3.0) - version_in_path: true, restriction: || (&& (== net45) (>= net461)) (&& (== net451) (>= net461)) (== net47) (&& (== netcoreapp2.1) (>= net461)) (&& (== netstandard2.0) (>= net461))
    System.Runtime.Loader (4.3) - restriction: || (&& (== net45) (>= netcoreapp2.0)) (&& (== net451) (>= netcoreapp2.0)) (&& (== net47) (>= netcoreapp2.0)) (== netcoreapp2.1) (&& (== netstandard2.0) (>= netcoreapp2.0))
      System.IO (>= 4.3) - restriction: || (&& (== net45) (>= netstandard1.5)) (&& (== net451) (>= netstandard1.5)) (&& (== net47) (< net462)) (== netcoreapp2.1) (== netstandard2.0)
      System.Reflection (>= 4.3) - restriction: || (&& (== net45) (>= netstandard1.5)) (&& (== net451) (>= netstandard1.5)) (&& (== net47) (< net462)) (== netcoreapp2.1) (== netstandard2.0)
      System.Runtime (>= 4.3) - restriction: || (&& (== net45) (>= netstandard1.5)) (&& (== net451) (>= netstandard1.5)) (&& (== net47) (< net462)) (== netcoreapp2.1) (== netstandard2.0)
    System.Security.AccessControl (4.7) - restriction: || (&& (== net45) (>= netstandard2.0)) (&& (== net451) (>= netstandard2.0)) (&& (== net47) (>= netstandard2.0)) (== netcoreapp2.1) (== netstandard2.0)
      Microsoft.NETCore.Platforms (>= 3.1) - restriction: || (&& (== net45) (>= netcoreapp2.0)) (&& (== net451) (>= netcoreapp2.0)) (&& (== net47) (>= netcoreapp2.0)) (== netcoreapp2.1) (&& (== netstandard2.0) (>= netcoreapp2.0))
      System.Security.Principal.Windows (>= 4.7) - restriction: || (&& (== net45) (>= net46)) (&& (== net45) (>= net461)) (&& (== net45) (>= netcoreapp2.0)) (&& (== net45) (>= netstandard1.3)) (&& (== net45) (>= netstandard2.0)) (&& (== net451) (>= net46)) (&& (== net451) (>= net461)) (&& (== net451) (>= netcoreapp2.0)) (&& (== net451) (>= netstandard1.3)) (&& (== net451) (>= netstandard2.0)) (== net47) (== netcoreapp2.1) (== netstandard2.0)
    System.Security.Cryptography.ProtectedData (4.7) - restriction: || (&& (== net45) (>= netcoreapp2.0)) (&& (== net45) (>= netstandard2.0)) (&& (== net451) (>= netcoreapp2.0)) (&& (== net451) (>= netstandard2.0)) (&& (== net47) (< net461) (>= netstandard2.0)) (&& (== net47) (>= netcoreapp2.0)) (== netcoreapp2.1) (== netstandard2.0)
      System.Memory (>= 4.5.3) - restriction: || (&& (== net45) (>= netstandard2.0)) (&& (== net451) (>= netstandard2.0)) (&& (== net47) (< net46) (>= netstandard2.0)) (== netstandard2.0)
    System.Security.Permissions (4.7) - restriction: || (&& (== net45) (>= netcoreapp2.0)) (&& (== net45) (>= netstandard2.0)) (&& (== net451) (>= netcoreapp2.0)) (&& (== net451) (>= netstandard2.0)) (&& (== net47) (>= netcoreapp2.0)) (&& (== net47) (>= netstandard2.0)) (== netcoreapp2.1) (== netstandard2.0)
      System.Security.AccessControl (>= 4.7) - restriction: || (&& (== net45) (>= net461)) (&& (== net45) (>= netstandard2.0)) (&& (== net451) (>= net461)) (&& (== net451) (>= netstandard2.0)) (== net47) (== netcoreapp2.1) (== netstandard2.0)
    System.Security.Principal.Windows (4.7) - restriction: || (&& (== net45) (>= netcoreapp2.0)) (&& (== net45) (>= netstandard2.0)) (&& (== net45) (>= xamarinios)) (&& (== net45) (>= xamarinmac)) (&& (== net451) (>= netcoreapp2.0)) (&& (== net451) (>= netstandard2.0)) (&& (== net451) (>= xamarinios)) (&& (== net451) (>= xamarinmac)) (&& (== net47) (>= netcoreapp2.0)) (&& (== net47) (>= netstandard2.0)) (&& (== net47) (>= xamarinios)) (&& (== net47) (>= xamarinmac)) (== netcoreapp2.1) (== netstandard2.0)
      Microsoft.NETCore.Platforms (>= 3.1) - restriction: || (&& (== net45) (>= netcoreapp2.0)) (&& (== net45) (>= netcoreapp2.1)) (&& (== net451) (>= netcoreapp2.0)) (&& (== net451) (>= netcoreapp2.1)) (&& (== net47) (>= netcoreapp2.0)) (&& (== net47) (>= netcoreapp2.1)) (== netcoreapp2.1) (&& (== netstandard2.0) (>= netcoreapp2.0)) (&& (== netstandard2.0) (>= netcoreapp2.1))
    System.Text.Encoding (4.3) - restriction: || (&& (== net45) (>= netcoreapp5.0)) (&& (== net451) (< net45) (>= netstandard2.0)) (&& (== net451) (>= netcoreapp5.0)) (&& (== net47) (< net45) (>= netstandard2.0)) (&& (== net47) (>= netcoreapp5.0)) (== netcoreapp2.1) (== netstandard2.0)
      Microsoft.NETCore.Platforms (>= 1.1) - restriction: || (&& (== net45) (>= netcoreapp5.0)) (&& (== net451) (< net45)) (&& (== net451) (>= netcoreapp5.0)) (&& (== net47) (< net45)) (&& (== net47) (>= netcoreapp5.0)) (== netcoreapp2.1) (== netstandard2.0)
      Microsoft.NETCore.Targets (>= 1.1) - restriction: || (&& (== net45) (>= netcoreapp5.0)) (&& (== net451) (< net45)) (&& (== net451) (>= netcoreapp5.0)) (&& (== net47) (< net45)) (&& (== net47) (>= netcoreapp5.0)) (== netcoreapp2.1) (== netstandard2.0)
      System.Runtime (>= 4.3) - restriction: || (&& (== net45) (>= netcoreapp5.0)) (&& (== net451) (< net45)) (&& (== net451) (>= netcoreapp5.0)) (&& (== net47) (< net45)) (&& (== net47) (>= netcoreapp5.0)) (== netcoreapp2.1) (== netstandard2.0)
    System.Text.Encoding.CodePages (4.7.1) - restriction: || (&& (== net45) (>= netcoreapp2.0)) (&& (== net45) (>= netstandard2.0)) (&& (== net451) (>= netcoreapp2.0)) (&& (== net451) (>= netstandard2.0)) (&& (== net47) (>= netcoreapp2.0)) (&& (== net47) (>= netstandard2.0)) (== netcoreapp2.1) (== netstandard2.0)
      Microsoft.NETCore.Platforms (>= 3.1.1) - restriction: || (&& (== net45) (>= netcoreapp2.0)) (&& (== net451) (>= netcoreapp2.0)) (&& (== net47) (>= netcoreapp2.0)) (== netcoreapp2.1) (&& (== netstandard2.0) (>= netcoreapp2.0))
      System.Runtime.CompilerServices.Unsafe (>= 4.7.1) - restriction: || (&& (== net45) (>= net461)) (&& (== net45) (>= netcoreapp2.0)) (&& (== net45) (>= netstandard2.0)) (&& (== net451) (>= net461)) (&& (== net451) (>= netcoreapp2.0)) (&& (== net451) (>= netstandard2.0)) (== net47) (== netcoreapp2.1) (== netstandard2.0)
    System.Threading.Tasks (4.3) - restriction: || (&& (== net45) (>= netcoreapp5.0)) (&& (== net451) (< net45) (>= netstandard2.0)) (&& (== net451) (>= netcoreapp5.0)) (&& (== net47) (< net45) (>= netstandard2.0)) (&& (== net47) (>= netcoreapp5.0)) (== netcoreapp2.1) (== netstandard2.0)
      Microsoft.NETCore.Platforms (>= 1.1) - restriction: || (&& (== net45) (>= netcoreapp5.0)) (&& (== net451) (< net45)) (&& (== net451) (>= netcoreapp5.0)) (&& (== net47) (< net45)) (&& (== net47) (>= netcoreapp5.0)) (== netcoreapp2.1) (== netstandard2.0)
      Microsoft.NETCore.Targets (>= 1.1) - restriction: || (&& (== net45) (>= netcoreapp5.0)) (&& (== net451) (< net45)) (&& (== net451) (>= netcoreapp5.0)) (&& (== net47) (< net45)) (&& (== net47) (>= netcoreapp5.0)) (== netcoreapp2.1) (== netstandard2.0)
      System.Runtime (>= 4.3) - restriction: || (&& (== net45) (>= netcoreapp5.0)) (&& (== net451) (< net45)) (&& (== net451) (>= netcoreapp5.0)) (&& (== net47) (< net45)) (&& (== net47) (>= netcoreapp5.0)) (== netcoreapp2.1) (== netstandard2.0)
    System.Threading.Tasks.Dataflow (4.11.1) - restriction: || (&& (== net45) (>= netcoreapp2.0)) (&& (== net451) (>= netcoreapp2.0)) (&& (== net47) (>= netcoreapp2.0)) (== netcoreapp2.1) (&& (== netstandard2.0) (>= netcoreapp2.0))
    System.Threading.Tasks.Extensions (4.5.4) - restriction: || (&& (== net45) (>= netstandard2.0)) (&& (== net45) (>= netstandard2.1)) (&& (== net451) (>= netstandard2.0)) (&& (== net451) (>= netstandard2.1)) (&& (== net47) (>= netstandard2.0)) (&& (== net47) (>= netstandard2.1)) (== netcoreapp2.1) (== netstandard2.0)
      System.Runtime.CompilerServices.Unsafe (>= 4.5.3) - restriction: || (== net45) (== net451) (== net47) (&& (== netcoreapp2.1) (>= net461)) (&& (== netcoreapp2.1) (< netstandard1.0)) (&& (== netcoreapp2.1) (< netstandard2.0)) (&& (== netcoreapp2.1) (>= wp8)) (== netstandard2.0)
    System.ValueTuple (4.5) - restriction: || (&& (== net45) (>= netstandard2.0)) (&& (== net451) (>= netstandard2.0)) (&& (== net47) (>= netstandard2.0)) (== netcoreapp2.1) (== netstandard2.0)

GROUP Formatting
NUGET
  remote: https://www.nuget.org/api/v2
    FSharp.Compiler.Service (37.0) - restriction: >= netstandard2.0
      FSharp.Core (>= 4.6.2) - restriction: || (>= net461) (>= netstandard2.0)
      Microsoft.Build.Framework (>= 16.6) - restriction: || (>= net461) (>= netstandard2.0)
      Microsoft.Build.Tasks.Core (>= 16.6) - restriction: || (>= net461) (>= netstandard2.0)
      Microsoft.Build.Utilities.Core (>= 16.6) - restriction: || (>= net461) (>= netstandard2.0)
      System.Buffers (>= 4.5) - restriction: || (>= net461) (>= netstandard2.0)
      System.Collections.Immutable (>= 1.5) - restriction: || (>= net461) (>= netstandard2.0)
      System.Memory (>= 4.5.3) - restriction: || (>= net461) (>= netstandard2.0)
      System.Reflection.Emit (>= 4.3) - restriction: && (< net461) (>= netstandard2.0)
      System.Reflection.Metadata (>= 1.6) - restriction: || (>= net461) (>= netstandard2.0)
      System.Reflection.TypeExtensions (>= 4.3) - restriction: && (< net461) (>= netstandard2.0)
      System.Runtime.Loader (>= 4.0) - restriction: && (< net461) (>= netstandard2.0)
      System.ValueTuple (>= 4.4) - restriction: >= net461
    FSharp.Core (4.7.2) - restriction: >= netstandard2.0
    FSharp.Formatting (4.0.1)
      FSharp.Compiler.Service (>= 35.0) - restriction: >= netstandard2.0
    FSharp.Formatting.CommandTool (4.0.1)
    Microsoft.Build.Framework (16.7) - restriction: >= netstandard2.0
      System.Security.Permissions (>= 4.7) - restriction: && (< net472) (>= netstandard2.0)
    Microsoft.Build.Tasks.Core (16.7) - restriction: >= netstandard2.0
      Microsoft.Build.Framework (>= 16.7) - restriction: >= netstandard2.0
      Microsoft.Build.Utilities.Core (>= 16.7) - restriction: >= netstandard2.0
      Microsoft.VisualStudio.Setup.Configuration.Interop (>= 1.16.30) - restriction: >= net472
      Microsoft.Win32.Registry (>= 4.3) - restriction: && (< net472) (>= netstandard2.0)
      System.CodeDom (>= 4.4) - restriction: && (< net472) (>= netstandard2.0)
      System.Collections.Immutable (>= 1.5) - restriction: >= netstandard2.0
      System.Reflection.Metadata (>= 1.6) - restriction: && (< net472) (>= netstandard2.0)
      System.Reflection.TypeExtensions (>= 4.1) - restriction: && (< net472) (>= netstandard2.0)
      System.Resources.Extensions (>= 4.6) - restriction: >= netstandard2.0
      System.Security.Permissions (>= 4.7) - restriction: && (< net472) (>= netstandard2.0)
      System.Threading.Tasks.Dataflow (>= 4.9) - restriction: >= netstandard2.0
    Microsoft.Build.Utilities.Core (16.7) - restriction: >= netstandard2.0
      Microsoft.Build.Framework (>= 16.7) - restriction: >= netstandard2.0
      Microsoft.VisualStudio.Setup.Configuration.Interop (>= 1.16.30) - restriction: >= net472
      Microsoft.Win32.Registry (>= 4.3) - restriction: && (< net472) (>= netstandard2.0)
      System.Collections.Immutable (>= 1.5) - restriction: >= netstandard2.0
      System.Security.Permissions (>= 4.7) - restriction: && (< net472) (>= netstandard2.0)
      System.Text.Encoding.CodePages (>= 4.0.1) - restriction: && (< net472) (>= netstandard2.0)
    Microsoft.NETCore.Platforms (3.1.3) - restriction: || (&& (>= monoandroid) (>= netcoreapp2.1)) (&& (>= monotouch) (>= netcoreapp2.1)) (&& (>= net461) (>= netcoreapp2.1)) (>= netcoreapp2.0) (&& (>= netcoreapp2.1) (>= xamarinios)) (&& (>= netcoreapp2.1) (>= xamarinmac)) (&& (>= netcoreapp2.1) (>= xamarintvos)) (&& (>= netcoreapp2.1) (>= xamarinwatchos))
    Microsoft.NETCore.Targets (3.1) - restriction: >= netcoreapp5.0
    Microsoft.VisualStudio.Setup.Configuration.Interop (1.16.30) - restriction: >= net472
    Microsoft.Win32.Registry (4.7) - restriction: && (< net472) (>= netstandard2.0)
      System.Buffers (>= 4.5) - restriction: || (>= monoandroid) (>= monotouch) (&& (< net46) (< netcoreapp2.0) (>= netstandard2.0)) (>= xamarinios) (>= xamarinmac) (>= xamarintvos) (>= xamarinwatchos)
      System.Memory (>= 4.5.3) - restriction: || (&& (< monoandroid) (< net46) (< netcoreapp2.0) (>= netstandard2.0) (< xamarinios) (< xamarinmac)) (&& (>= netcoreapp2.0) (< netcoreapp2.1)) (>= uap10.1)
      System.Security.AccessControl (>= 4.7) - restriction: || (>= monoandroid) (>= monotouch) (&& (< net46) (>= netstandard2.0)) (>= net461) (>= netcoreapp2.0) (>= xamarinios) (>= xamarinmac) (>= xamarintvos) (>= xamarinwatchos)
      System.Security.Principal.Windows (>= 4.7) - restriction: || (>= monoandroid) (>= monotouch) (&& (< net46) (>= netstandard2.0)) (>= net461) (>= netcoreapp2.0) (>= xamarinios) (>= xamarinmac) (>= xamarintvos) (>= xamarinwatchos)
    Microsoft.Win32.SystemEvents (4.7) - restriction: >= netcoreapp3.0
      Microsoft.NETCore.Platforms (>= 3.1) - restriction: >= netcoreapp2.0
    System.Buffers (4.5.1) - restriction: >= netstandard2.0
    System.CodeDom (4.7) - restriction: && (< net472) (>= netstandard2.0)
    System.Collections (4.3) - restriction: >= netcoreapp5.0
      Microsoft.NETCore.Platforms (>= 1.1) - restriction: || (&& (< monoandroid) (< monotouch) (< net45) (>= netstandard1.3) (< win8) (< wpa81) (< xamarinios) (< xamarinmac) (< xamarintvos) (< xamarinwatchos)) (&& (< monoandroid) (< net45) (>= netstandard1.0) (< netstandard1.3) (< win8) (< wp8) (< wpa81)) (>= netcoreapp5.0)
      Microsoft.NETCore.Targets (>= 1.1) - restriction: || (&& (< monoandroid) (< monotouch) (< net45) (>= netstandard1.3) (< win8) (< wpa81) (< xamarinios) (< xamarinmac) (< xamarintvos) (< xamarinwatchos)) (&& (< monoandroid) (< net45) (>= netstandard1.0) (< netstandard1.3) (< win8) (< wp8) (< wpa81)) (>= netcoreapp5.0)
      System.Runtime (>= 4.3) - restriction: || (&& (< monoandroid) (< monotouch) (< net45) (>= netstandard1.3) (< win8) (< wpa81) (< xamarinios) (< xamarinmac) (< xamarintvos) (< xamarinwatchos)) (&& (< monoandroid) (< net45) (>= netstandard1.0) (< netstandard1.3) (< win8) (< wp8) (< wpa81)) (>= netcoreapp5.0)
    System.Collections.Immutable (1.7.1) - restriction: >= netstandard2.0
      System.Memory (>= 4.5.4) - restriction: || (&& (< monoandroid) (< monotouch) (< net45) (>= netstandard1.3) (< netstandard2.0) (< win8) (< wpa81) (< xamarintvos) (< xamarinwatchos)) (&& (< monoandroid) (< net45) (< netcoreapp2.1) (>= netstandard2.0) (< xamarinios) (< xamarinmac)) (&& (>= net46) (< netstandard2.0)) (>= net461) (>= uap10.1)
    System.Diagnostics.Contracts (4.3) - restriction: >= netcoreapp5.0
      System.Runtime (>= 4.3) - restriction: || (&& (< monoandroid) (< monotouch) (< net45) (>= netstandard1.0) (< win8) (< wp8) (< wpa81) (< xamarinios) (< xamarinmac) (< xamarintvos) (< xamarinwatchos)) (>= netcoreapp5.0)
    System.Diagnostics.Debug (4.3) - restriction: >= netcoreapp5.0
      Microsoft.NETCore.Platforms (>= 1.1) - restriction: || (&& (< monoandroid) (< monotouch) (< net45) (>= netstandard1.3) (< win8) (< wpa81) (< xamarinios) (< xamarinmac) (< xamarintvos) (< xamarinwatchos)) (&& (< monoandroid) (< net45) (>= netstandard1.0) (< netstandard1.3) (< win8) (< wp8) (< wpa81)) (>= netcoreapp5.0)
      Microsoft.NETCore.Targets (>= 1.1) - restriction: || (&& (< monoandroid) (< monotouch) (< net45) (>= netstandard1.3) (< win8) (< wpa81) (< xamarinios) (< xamarinmac) (< xamarintvos) (< xamarinwatchos)) (&& (< monoandroid) (< net45) (>= netstandard1.0) (< netstandard1.3) (< win8) (< wp8) (< wpa81)) (>= netcoreapp5.0)
      System.Runtime (>= 4.3) - restriction: || (&& (< monoandroid) (< monotouch) (< net45) (>= netstandard1.3) (< win8) (< wpa81) (< xamarinios) (< xamarinmac) (< xamarintvos) (< xamarinwatchos)) (&& (< monoandroid) (< net45) (>= netstandard1.0) (< netstandard1.3) (< win8) (< wp8) (< wpa81)) (>= netcoreapp5.0)
    System.Drawing.Common (4.7) - restriction: >= netcoreapp3.0
      Microsoft.NETCore.Platforms (>= 3.1) - restriction: >= netcoreapp2.0
      Microsoft.Win32.SystemEvents (>= 4.7) - restriction: >= netcoreapp2.0
    System.Globalization (4.3) - restriction: >= netcoreapp5.0
      Microsoft.NETCore.Platforms (>= 1.1) - restriction: || (&& (< monoandroid) (< monotouch) (< net45) (>= netstandard1.3) (< win8) (< wpa81) (< xamarinios) (< xamarinmac) (< xamarintvos) (< xamarinwatchos)) (&& (< monoandroid) (< net45) (>= netstandard1.0) (< netstandard1.3) (< win8) (< wp8) (< wpa81)) (>= netcoreapp5.0)
      Microsoft.NETCore.Targets (>= 1.1) - restriction: || (&& (< monoandroid) (< monotouch) (< net45) (>= netstandard1.3) (< win8) (< wpa81) (< xamarinios) (< xamarinmac) (< xamarintvos) (< xamarinwatchos)) (&& (< monoandroid) (< net45) (>= netstandard1.0) (< netstandard1.3) (< win8) (< wp8) (< wpa81)) (>= netcoreapp5.0)
      System.Runtime (>= 4.3) - restriction: || (&& (< monoandroid) (< monotouch) (< net45) (>= netstandard1.3) (< win8) (< wpa81) (< xamarinios) (< xamarinmac) (< xamarintvos) (< xamarinwatchos)) (&& (< monoandroid) (< net45) (>= netstandard1.0) (< netstandard1.3) (< win8) (< wp8) (< wpa81)) (>= netcoreapp5.0)
    System.IO (4.3) - restriction: || (&& (< monoandroid) (< net461) (>= netstandard2.0) (< xamarinios) (< xamarinmac)) (>= netcoreapp5.0)
      Microsoft.NETCore.Platforms (>= 1.1) - restriction: || (&& (< monoandroid) (< monotouch) (< net45) (>= netstandard1.5) (< win8) (< wpa81) (< xamarinios) (< xamarinmac) (< xamarintvos) (< xamarinwatchos)) (&& (< monoandroid) (< net45) (>= netstandard1.0) (< netstandard1.3) (< win8) (< wp8) (< wpa81)) (&& (< monoandroid) (< net45) (>= netstandard1.3) (< netstandard1.5) (< win8) (< wpa81)) (>= netcoreapp5.0)
      Microsoft.NETCore.Targets (>= 1.1) - restriction: || (&& (< monoandroid) (< monotouch) (< net45) (>= netstandard1.5) (< win8) (< wpa81) (< xamarinios) (< xamarinmac) (< xamarintvos) (< xamarinwatchos)) (&& (< monoandroid) (< net45) (>= netstandard1.0) (< netstandard1.3) (< win8) (< wp8) (< wpa81)) (&& (< monoandroid) (< net45) (>= netstandard1.3) (< netstandard1.5) (< win8) (< wpa81)) (>= netcoreapp5.0)
      System.Runtime (>= 4.3) - restriction: || (&& (< monoandroid) (< monotouch) (< net45) (>= netstandard1.5) (< win8) (< wpa81) (< xamarinios) (< xamarinmac) (< xamarintvos) (< xamarinwatchos)) (&& (< monoandroid) (< net45) (>= netstandard1.0) (< netstandard1.3) (< win8) (< wp8) (< wpa81)) (&& (< monoandroid) (< net45) (>= netstandard1.3) (< netstandard1.5) (< win8) (< wpa81)) (>= netcoreapp5.0)
      System.Text.Encoding (>= 4.3) - restriction: || (&& (< monoandroid) (< monotouch) (< net45) (>= netstandard1.5) (< win8) (< wpa81) (< xamarinios) (< xamarinmac) (< xamarintvos) (< xamarinwatchos)) (&& (< monoandroid) (< net45) (>= netstandard1.0) (< netstandard1.3) (< win8) (< wp8) (< wpa81)) (&& (< monoandroid) (< net45) (>= netstandard1.3) (< netstandard1.5) (< win8) (< wpa81)) (>= netcoreapp5.0)
      System.Threading.Tasks (>= 4.3) - restriction: || (&& (< monoandroid) (< monotouch) (< net45) (>= netstandard1.5) (< win8) (< wpa81) (< xamarinios) (< xamarinmac) (< xamarintvos) (< xamarinwatchos)) (&& (< monoandroid) (< net45) (>= netstandard1.0) (< netstandard1.3) (< win8) (< wp8) (< wpa81)) (&& (< monoandroid) (< net45) (>= netstandard1.3) (< netstandard1.5) (< win8) (< wpa81)) (>= netcoreapp5.0)
    System.Linq (4.3) - restriction: >= netcoreapp5.0
      System.Collections (>= 4.3) - restriction: || (&& (< monoandroid) (< monotouch) (< net45) (>= netstandard1.6) (< xamarinios) (< xamarinmac) (< xamarintvos) (< xamarinwatchos)) (&& (< monoandroid) (< net45) (>= netstandard1.0) (< netstandard1.6) (< win8) (< wp8) (< wpa81)) (>= netcoreapp5.0)
      System.Diagnostics.Debug (>= 4.3) - restriction: || (&& (< monoandroid) (< monotouch) (< net45) (>= netstandard1.6) (< xamarinios) (< xamarinmac) (< xamarintvos) (< xamarinwatchos)) (>= netcoreapp5.0)
      System.Resources.ResourceManager (>= 4.3) - restriction: || (&& (< monoandroid) (< monotouch) (< net45) (>= netstandard1.6) (< xamarinios) (< xamarinmac) (< xamarintvos) (< xamarinwatchos)) (>= netcoreapp5.0)
      System.Runtime (>= 4.3) - restriction: || (&& (< monoandroid) (< monotouch) (< net45) (>= netstandard1.6) (< xamarinios) (< xamarinmac) (< xamarintvos) (< xamarinwatchos)) (&& (< monoandroid) (< net45) (>= netstandard1.0) (< netstandard1.6) (< win8) (< wp8) (< wpa81)) (>= netcoreapp5.0)
      System.Runtime.Extensions (>= 4.3) - restriction: || (&& (< monoandroid) (< monotouch) (< net45) (>= netstandard1.6) (< xamarinios) (< xamarinmac) (< xamarintvos) (< xamarinwatchos)) (>= netcoreapp5.0)
    System.Memory (4.5.4) - restriction: || (&& (>= netcoreapp2.0) (< netcoreapp2.1)) (>= netstandard2.0)
      System.Buffers (>= 4.5.1) - restriction: || (>= monoandroid) (>= monotouch) (&& (>= net45) (< netstandard2.0)) (&& (< net45) (< netcoreapp2.0) (>= netstandard2.0)) (&& (< net45) (>= netstandard1.1) (< netstandard2.0) (< win8) (< wpa81)) (>= net461) (&& (< netstandard1.1) (>= portable-net45+win8+wpa81) (< win8)) (&& (< netstandard1.1) (>= win8)) (&& (< netstandard2.0) (< uap10.1) (>= wpa81)) (>= xamarinios) (>= xamarinmac) (>= xamarintvos) (>= xamarinwatchos)
      System.Numerics.Vectors (>= 4.4) - restriction: && (< monoandroid) (< net45) (< netcoreapp2.0) (>= netstandard2.0) (< xamarinios) (< xamarinmac)
      System.Numerics.Vectors (>= 4.5) - restriction: >= net461
      System.Runtime.CompilerServices.Unsafe (>= 4.5.3) - restriction: || (>= monoandroid) (>= monotouch) (&& (>= net45) (< netstandard2.0)) (&& (< net45) (< netcoreapp2.0) (>= netstandard2.0)) (&& (< net45) (>= netstandard1.1) (< netstandard2.0) (< win8) (< wpa81)) (>= net461) (&& (>= netcoreapp2.0) (< netcoreapp2.1)) (&& (< netstandard1.1) (>= portable-net45+win8+wpa81) (< win8)) (&& (< netstandard1.1) (>= win8)) (&& (< netstandard2.0) (>= wpa81)) (>= uap10.1) (>= xamarinios) (>= xamarinmac) (>= xamarintvos) (>= xamarinwatchos)
    System.Numerics.Vectors (4.5) - restriction: || (&& (< monoandroid) (< net45) (< netcoreapp2.0) (>= netstandard2.0) (< xamarinios) (< xamarinmac)) (&& (>= net461) (>= netstandard2.0))
    System.Reflection (4.3) - restriction: || (&& (< monoandroid) (< net461) (>= netstandard2.0) (< xamarinios) (< xamarinmac)) (>= netcoreapp5.0)
      Microsoft.NETCore.Platforms (>= 1.1) - restriction: || (&& (< monoandroid) (< monotouch) (< net45) (>= netstandard1.5) (< win8) (< wpa81) (< xamarinios) (< xamarinmac) (< xamarintvos) (< xamarinwatchos)) (&& (< monoandroid) (< net45) (>= netstandard1.0) (< netstandard1.3) (< win8) (< wp8) (< wpa81)) (&& (< monoandroid) (< net45) (>= netstandard1.3) (< netstandard1.5) (< win8) (< wpa81)) (>= netcoreapp5.0)
      Microsoft.NETCore.Targets (>= 1.1) - restriction: || (&& (< monoandroid) (< monotouch) (< net45) (>= netstandard1.5) (< win8) (< wpa81) (< xamarinios) (< xamarinmac) (< xamarintvos) (< xamarinwatchos)) (&& (< monoandroid) (< net45) (>= netstandard1.0) (< netstandard1.3) (< win8) (< wp8) (< wpa81)) (&& (< monoandroid) (< net45) (>= netstandard1.3) (< netstandard1.5) (< win8) (< wpa81)) (>= netcoreapp5.0)
      System.IO (>= 4.3) - restriction: || (&& (< monoandroid) (< monotouch) (< net45) (>= netstandard1.5) (< win8) (< wpa81) (< xamarinios) (< xamarinmac) (< xamarintvos) (< xamarinwatchos)) (&& (< monoandroid) (< net45) (>= netstandard1.0) (< netstandard1.3) (< win8) (< wp8) (< wpa81)) (&& (< monoandroid) (< net45) (>= netstandard1.3) (< netstandard1.5) (< win8) (< wpa81)) (>= netcoreapp5.0)
      System.Reflection.Primitives (>= 4.3) - restriction: || (&& (< monoandroid) (< monotouch) (< net45) (>= netstandard1.5) (< win8) (< wpa81) (< xamarinios) (< xamarinmac) (< xamarintvos) (< xamarinwatchos)) (&& (< monoandroid) (< net45) (>= netstandard1.0) (< netstandard1.3) (< win8) (< wp8) (< wpa81)) (&& (< monoandroid) (< net45) (>= netstandard1.3) (< netstandard1.5) (< win8) (< wpa81)) (>= netcoreapp5.0)
      System.Runtime (>= 4.3) - restriction: || (&& (< monoandroid) (< monotouch) (< net45) (>= netstandard1.5) (< win8) (< wpa81) (< xamarinios) (< xamarinmac) (< xamarintvos) (< xamarinwatchos)) (&& (< monoandroid) (< net45) (>= netstandard1.0) (< netstandard1.3) (< win8) (< wp8) (< wpa81)) (&& (< monoandroid) (< net45) (>= netstandard1.3) (< netstandard1.5) (< win8) (< wpa81)) (>= netcoreapp5.0)
    System.Reflection.Emit (4.7) - restriction: && (< net461) (>= netstandard2.0)
      System.IO (>= 4.3) - restriction: || (&& (< monoandroid) (< monotouch) (< net45) (>= netstandard1.1) (< netstandard2.0) (< win8) (< wpa81) (< xamarintvos) (< xamarinwatchos)) (>= netcoreapp5.0)
      System.Reflection (>= 4.3) - restriction: || (&& (< monoandroid) (< monotouch) (< net45) (>= netstandard1.1) (< netstandard2.0) (< win8) (< wpa81) (< xamarintvos) (< xamarinwatchos)) (>= netcoreapp5.0)
      System.Reflection.Emit.ILGeneration (>= 4.7) - restriction: || (&& (< monoandroid) (< monotouch) (< net45) (>= netstandard1.1) (< netstandard2.0) (< win8) (< wpa81) (< xamarintvos) (< xamarinwatchos)) (&& (< monoandroid) (< net45) (< netcoreapp2.0) (>= netstandard2.0) (< netstandard2.1) (< xamarinios) (< xamarinmac)) (&& (< monoandroid) (< netstandard1.1) (>= portable-net45+win8+wpa81) (< win8)) (>= netcoreapp5.0) (&& (< netstandard1.1) (>= win8)) (&& (< netstandard2.0) (>= wpa81)) (>= uap10.1)
      System.Reflection.Primitives (>= 4.3) - restriction: || (&& (< monoandroid) (< monotouch) (< net45) (>= netstandard1.1) (< netstandard2.0) (< win8) (< wpa81) (< xamarintvos) (< xamarinwatchos)) (>= netcoreapp5.0)
      System.Resources.ResourceManager (>= 4.3) - restriction: || (&& (< monoandroid) (< monotouch) (< net45) (>= netstandard1.1) (< netstandard2.0) (< win8) (< wpa81) (< xamarintvos) (< xamarinwatchos)) (>= netcoreapp5.0)
      System.Runtime (>= 4.3) - restriction: || (&& (< monoandroid) (< monotouch) (< net45) (>= netstandard1.1) (< netstandard2.0) (< win8) (< wpa81) (< xamarintvos) (< xamarinwatchos)) (>= netcoreapp5.0)
      System.Runtime.InteropServices (>= 4.3) - restriction: || (&& (< monoandroid) (< monotouch) (< net45) (>= netstandard1.1) (< netstandard2.0) (< win8) (< wpa81) (< xamarintvos) (< xamarinwatchos)) (>= netcoreapp5.0)
    System.Reflection.Emit.ILGeneration (4.7) - restriction: || (&& (< monoandroid) (< net45) (< netcoreapp2.0) (>= netstandard2.0) (< netstandard2.1) (< xamarinios) (< xamarinmac)) (&& (< monoandroid) (< netstandard1.1) (>= netstandard2.0) (< win8)) (>= netcoreapp5.0) (&& (< netstandard1.1) (>= netstandard2.0) (>= win8)) (&& (>= netstandard2.0) (>= uap10.1))
      System.Reflection (>= 4.3) - restriction: || (&& (< monoandroid) (< monotouch) (< net45) (>= netstandard1.0) (< netstandard2.0) (< win8) (< wp8) (< wpa81) (< xamarintvos) (< xamarinwatchos)) (>= netcoreapp5.0)
      System.Reflection.Primitives (>= 4.3) - restriction: || (&& (< monoandroid) (< monotouch) (< net45) (>= netstandard1.0) (< netstandard2.0) (< win8) (< wp8) (< wpa81) (< xamarintvos) (< xamarinwatchos)) (>= netcoreapp5.0)
      System.Resources.ResourceManager (>= 4.3) - restriction: || (&& (< monoandroid) (< monotouch) (< net45) (>= netstandard1.0) (< netstandard2.0) (< win8) (< wp8) (< wpa81) (< xamarintvos) (< xamarinwatchos)) (>= netcoreapp5.0)
      System.Runtime (>= 4.3) - restriction: || (&& (< monoandroid) (< monotouch) (< net45) (>= netstandard1.0) (< netstandard2.0) (< win8) (< wp8) (< wpa81) (< xamarintvos) (< xamarinwatchos)) (>= netcoreapp5.0)
    System.Reflection.Metadata (1.8.1) - restriction: >= netstandard2.0
      System.Collections.Immutable (>= 1.7.1) - restriction: || (&& (>= net45) (< netstandard2.0)) (&& (< net45) (< netcoreapp3.1) (>= netstandard2.0)) (&& (< net45) (>= netstandard1.1) (< netstandard2.0) (< win8) (< wpa81)) (>= net461) (&& (< netstandard1.1) (>= portable-net45+win8+wpa81) (< win8)) (&& (< netstandard1.1) (>= win8)) (&& (< netstandard2.0) (>= wpa81))
    System.Reflection.Primitives (4.3) - restriction: >= netcoreapp5.0
      Microsoft.NETCore.Platforms (>= 1.1) - restriction: || (&& (< monoandroid) (< monotouch) (< net45) (>= netstandard1.0) (< win8) (< wp8) (< wpa81) (< xamarinios) (< xamarinmac) (< xamarintvos) (< xamarinwatchos)) (>= netcoreapp5.0)
      Microsoft.NETCore.Targets (>= 1.1) - restriction: || (&& (< monoandroid) (< monotouch) (< net45) (>= netstandard1.0) (< win8) (< wp8) (< wpa81) (< xamarinios) (< xamarinmac) (< xamarintvos) (< xamarinwatchos)) (>= netcoreapp5.0)
      System.Runtime (>= 4.3) - restriction: || (&& (< monoandroid) (< monotouch) (< net45) (>= netstandard1.0) (< win8) (< wp8) (< wpa81) (< xamarinios) (< xamarinmac) (< xamarintvos) (< xamarinwatchos)) (>= netcoreapp5.0)
    System.Reflection.TypeExtensions (4.7) - restriction: || (&& (< net461) (>= netstandard2.0)) (&& (< net472) (>= netstandard2.0))
      System.Diagnostics.Contracts (>= 4.3) - restriction: >= netcoreapp5.0
      System.Diagnostics.Debug (>= 4.3) - restriction: >= netcoreapp5.0
      System.Linq (>= 4.3) - restriction: >= netcoreapp5.0
      System.Reflection (>= 4.3) - restriction: || (&& (< monoandroid) (< monotouch) (< net46) (>= netstandard1.5) (< netstandard2.0) (< xamarintvos) (< xamarinwatchos)) (&& (< monoandroid) (< net46) (>= netstandard1.3) (< netstandard1.5) (< uap10.1)) (>= netcoreapp5.0)
      System.Reflection.Primitives (>= 4.3) - restriction: >= netcoreapp5.0
      System.Resources.ResourceManager (>= 4.3) - restriction: || (&& (< monoandroid) (< monotouch) (< net46) (>= netstandard1.5) (< netstandard2.0) (< xamarintvos) (< xamarinwatchos)) (&& (< monoandroid) (< net46) (>= netstandard1.3) (< netstandard1.5) (< uap10.1)) (>= netcoreapp5.0)
      System.Runtime (>= 4.3) - restriction: || (&& (< monoandroid) (< monotouch) (< net46) (>= netstandard1.5) (< netstandard2.0) (< xamarintvos) (< xamarinwatchos)) (&& (< monoandroid) (< net46) (>= netstandard1.3) (< netstandard1.5) (< uap10.1)) (>= netcoreapp5.0)
      System.Runtime.Extensions (>= 4.3) - restriction: >= netcoreapp5.0
    System.Resources.Extensions (4.7.1) - restriction: >= netstandard2.0
      System.Memory (>= 4.5.4) - restriction: || (&& (< monoandroid) (< netcoreapp2.1) (>= netstandard2.0) (< xamarinios) (< xamarinmac)) (>= net461)
    System.Resources.ResourceManager (4.3) - restriction: >= netcoreapp5.0
      Microsoft.NETCore.Platforms (>= 1.1) - restriction: || (&& (< monoandroid) (< monotouch) (< net45) (>= netstandard1.0) (< win8) (< wp8) (< wpa81) (< xamarinios) (< xamarinmac) (< xamarintvos) (< xamarinwatchos)) (>= netcoreapp5.0)
      Microsoft.NETCore.Targets (>= 1.1) - restriction: || (&& (< monoandroid) (< monotouch) (< net45) (>= netstandard1.0) (< win8) (< wp8) (< wpa81) (< xamarinios) (< xamarinmac) (< xamarintvos) (< xamarinwatchos)) (>= netcoreapp5.0)
      System.Globalization (>= 4.3) - restriction: || (&& (< monoandroid) (< monotouch) (< net45) (>= netstandard1.0) (< win8) (< wp8) (< wpa81) (< xamarinios) (< xamarinmac) (< xamarintvos) (< xamarinwatchos)) (>= netcoreapp5.0)
      System.Reflection (>= 4.3) - restriction: || (&& (< monoandroid) (< monotouch) (< net45) (>= netstandard1.0) (< win8) (< wp8) (< wpa81) (< xamarinios) (< xamarinmac) (< xamarintvos) (< xamarinwatchos)) (>= netcoreapp5.0)
      System.Runtime (>= 4.3) - restriction: || (&& (< monoandroid) (< monotouch) (< net45) (>= netstandard1.0) (< win8) (< wp8) (< wpa81) (< xamarinios) (< xamarinmac) (< xamarintvos) (< xamarinwatchos)) (>= netcoreapp5.0)
    System.Runtime (4.3.1) - restriction: || (&& (< monoandroid) (< net461) (>= netstandard2.0) (< xamarinios) (< xamarinmac)) (>= netcoreapp5.0)
      Microsoft.NETCore.Platforms (>= 1.1.1) - restriction: || (&& (< monoandroid) (< monotouch) (< net45) (>= netstandard1.5) (< win8) (< wpa81) (< xamarinios) (< xamarinmac) (< xamarintvos) (< xamarinwatchos)) (&& (< monoandroid) (< net45) (>= netstandard1.0) (< netstandard1.2) (< win8) (< wp8)) (&& (< monoandroid) (< net45) (>= netstandard1.2) (< netstandard1.3) (< win8) (< wpa81)) (&& (< monoandroid) (< net45) (>= netstandard1.3) (< netstandard1.5) (< win8) (< wpa81)) (>= netcoreapp5.0)
      Microsoft.NETCore.Targets (>= 1.1.3) - restriction: || (&& (< monoandroid) (< monotouch) (< net45) (>= netstandard1.5) (< win8) (< wpa81) (< xamarinios) (< xamarinmac) (< xamarintvos) (< xamarinwatchos)) (&& (< monoandroid) (< net45) (>= netstandard1.0) (< netstandard1.2) (< win8) (< wp8)) (&& (< monoandroid) (< net45) (>= netstandard1.2) (< netstandard1.3) (< win8) (< wpa81)) (&& (< monoandroid) (< net45) (>= netstandard1.3) (< netstandard1.5) (< win8) (< wpa81)) (>= netcoreapp5.0)
    System.Runtime.CompilerServices.Unsafe (4.7.1) - restriction: || (&& (>= monoandroid) (>= netstandard2.0)) (&& (< monoandroid) (< net46) (< netcoreapp2.0) (>= netstandard2.0)) (&& (>= monotouch) (>= netstandard2.0)) (&& (< net45) (< netcoreapp2.0) (>= netstandard2.0)) (&& (>= net461) (>= netstandard2.0)) (&& (>= netcoreapp2.0) (< netcoreapp2.1)) (&& (>= netcoreapp2.0) (< netcoreapp3.1)) (&& (< netstandard1.1) (>= netstandard2.0) (>= win8)) (&& (< netstandard1.1) (>= netstandard2.0) (< win8)) (&& (>= netstandard2.0) (>= uap10.1)) (&& (>= netstandard2.0) (>= xamarintvos)) (&& (>= netstandard2.0) (>= xamarinwatchos)) (>= xamarinios) (>= xamarinmac)
    System.Runtime.Extensions (4.3.1) - restriction: >= netcoreapp5.0
      Microsoft.NETCore.Platforms (>= 1.1.1) - restriction: || (&& (< monoandroid) (< monotouch) (< net45) (>= netstandard1.5) (< win8) (< wpa81) (< xamarinios) (< xamarinmac) (< xamarintvos) (< xamarinwatchos)) (&& (< monoandroid) (< net45) (>= netstandard1.0) (< netstandard1.3) (< win8) (< wp8) (< wpa81)) (&& (< monoandroid) (< net45) (>= netstandard1.3) (< netstandard1.5) (< win8) (< wpa81)) (>= netcoreapp5.0)
      Microsoft.NETCore.Targets (>= 1.1.3) - restriction: || (&& (< monoandroid) (< monotouch) (< net45) (>= netstandard1.5) (< win8) (< wpa81) (< xamarinios) (< xamarinmac) (< xamarintvos) (< xamarinwatchos)) (&& (< monoandroid) (< net45) (>= netstandard1.0) (< netstandard1.3) (< win8) (< wp8) (< wpa81)) (&& (< monoandroid) (< net45) (>= netstandard1.3) (< netstandard1.5) (< win8) (< wpa81)) (>= netcoreapp5.0)
      System.Runtime (>= 4.3.1) - restriction: || (&& (< monoandroid) (< monotouch) (< net45) (>= netstandard1.5) (< win8) (< wpa81) (< xamarinios) (< xamarinmac) (< xamarintvos) (< xamarinwatchos)) (&& (< monoandroid) (< net45) (>= netstandard1.0) (< netstandard1.3) (< win8) (< wp8) (< wpa81)) (&& (< monoandroid) (< net45) (>= netstandard1.3) (< netstandard1.5) (< win8) (< wpa81)) (>= netcoreapp5.0)
    System.Runtime.Handles (4.3) - restriction: >= netcoreapp5.0
      Microsoft.NETCore.Platforms (>= 1.1) - restriction: && (< monoandroid) (< monotouch) (< net46) (>= netstandard1.3) (< xamarinios) (< xamarinmac) (< xamarintvos) (< xamarinwatchos)
      Microsoft.NETCore.Targets (>= 1.1) - restriction: && (< monoandroid) (< monotouch) (< net46) (>= netstandard1.3) (< xamarinios) (< xamarinmac) (< xamarintvos) (< xamarinwatchos)
      System.Runtime (>= 4.3) - restriction: && (< monoandroid) (< monotouch) (< net46) (>= netstandard1.3) (< xamarinios) (< xamarinmac) (< xamarintvos) (< xamarinwatchos)
    System.Runtime.InteropServices (4.3) - restriction: >= netcoreapp5.0
      Microsoft.NETCore.Platforms (>= 1.1) - restriction: || (&& (< monoandroid) (< monotouch) (< net45) (>= netstandard1.5) (< win8) (< wpa81) (< xamarinios) (< xamarinmac) (< xamarintvos) (< xamarinwatchos)) (&& (< monoandroid) (< net45) (>= netstandard1.1) (< netstandard1.2) (< win8)) (&& (< monoandroid) (< net45) (>= netstandard1.2) (< netstandard1.3) (< win8) (< wpa81)) (&& (< monoandroid) (< net45) (>= netstandard1.3) (< netstandard1.5) (< win8) (< wpa81)) (>= netcoreapp1.1)
      Microsoft.NETCore.Targets (>= 1.1) - restriction: || (&& (< monoandroid) (< monotouch) (< net45) (>= netstandard1.5) (< win8) (< wpa81) (< xamarinios) (< xamarinmac) (< xamarintvos) (< xamarinwatchos)) (&& (< monoandroid) (< net45) (>= netstandard1.1) (< netstandard1.2) (< win8)) (&& (< monoandroid) (< net45) (>= netstandard1.2) (< netstandard1.3) (< win8) (< wpa81)) (&& (< monoandroid) (< net45) (>= netstandard1.3) (< netstandard1.5) (< win8) (< wpa81)) (>= netcoreapp1.1)
      System.Reflection (>= 4.3) - restriction: || (&& (< monoandroid) (< monotouch) (< net45) (>= netstandard1.5) (< win8) (< wpa81) (< xamarinios) (< xamarinmac) (< xamarintvos) (< xamarinwatchos)) (&& (< monoandroid) (< net45) (>= netstandard1.1) (< netstandard1.2) (< win8)) (&& (< monoandroid) (< net45) (>= netstandard1.2) (< netstandard1.3) (< win8) (< wpa81)) (&& (< monoandroid) (< net45) (>= netstandard1.3) (< netstandard1.5) (< win8) (< wpa81)) (>= netcoreapp1.1)
      System.Reflection.Primitives (>= 4.3) - restriction: || (&& (< monoandroid) (< monotouch) (< net45) (>= netstandard1.5) (< win8) (< wpa81) (< xamarinios) (< xamarinmac) (< xamarintvos) (< xamarinwatchos)) (&& (< monoandroid) (< net45) (>= netstandard1.1) (< netstandard1.2) (< win8)) (&& (< monoandroid) (< net45) (>= netstandard1.2) (< netstandard1.3) (< win8) (< wpa81)) (&& (< monoandroid) (< net45) (>= netstandard1.3) (< netstandard1.5) (< win8) (< wpa81)) (>= netcoreapp1.1)
      System.Runtime (>= 4.3) - restriction: || (&& (< monoandroid) (< monotouch) (< net45) (>= netstandard1.5) (< win8) (< wpa81) (< xamarinios) (< xamarinmac) (< xamarintvos) (< xamarinwatchos)) (&& (< monoandroid) (< net45) (>= netstandard1.1) (< netstandard1.2) (< win8)) (&& (< monoandroid) (< net45) (>= netstandard1.2) (< netstandard1.3) (< win8) (< wpa81)) (&& (< monoandroid) (< net45) (>= netstandard1.3) (< netstandard1.5) (< win8) (< wpa81)) (>= net462) (>= netcoreapp1.1)
      System.Runtime.Handles (>= 4.3) - restriction: || (&& (< monoandroid) (< monotouch) (< net45) (>= netstandard1.5) (< win8) (< wpa81) (< xamarinios) (< xamarinmac) (< xamarintvos) (< xamarinwatchos)) (&& (< monoandroid) (< net45) (>= netstandard1.3) (< netstandard1.5) (< win8) (< wpa81)) (>= netcoreapp1.1)
    System.Runtime.Loader (4.3) - restriction: && (< net461) (>= netstandard2.0)
      System.IO (>= 4.3) - restriction: && (< monoandroid) (< monotouch) (< net462) (>= netstandard1.5) (< xamarinios) (< xamarinmac) (< xamarintvos) (< xamarinwatchos)
      System.Reflection (>= 4.3) - restriction: && (< monoandroid) (< monotouch) (< net462) (>= netstandard1.5) (< xamarinios) (< xamarinmac) (< xamarintvos) (< xamarinwatchos)
      System.Runtime (>= 4.3) - restriction: && (< monoandroid) (< monotouch) (< net462) (>= netstandard1.5) (< xamarinios) (< xamarinmac) (< xamarintvos) (< xamarinwatchos)
    System.Security.AccessControl (4.7) - restriction: && (< net472) (>= netstandard2.0)
      Microsoft.NETCore.Platforms (>= 3.1) - restriction: >= netcoreapp2.0
      System.Security.Principal.Windows (>= 4.7) - restriction: || (&& (>= net46) (< netstandard2.0)) (&& (< net46) (>= netstandard1.3) (< netstandard2.0) (< uap10.1)) (&& (< net46) (>= netstandard2.0)) (>= net461) (>= netcoreapp2.0)
    System.Security.Permissions (4.7) - restriction: && (< net472) (>= netstandard2.0)
      System.Security.AccessControl (>= 4.7) - restriction: || (>= net461) (>= netstandard2.0)
      System.Windows.Extensions (>= 4.7) - restriction: >= netcoreapp3.0
    System.Security.Principal.Windows (4.7) - restriction: || (&& (>= monoandroid) (>= netstandard2.0)) (&& (>= monotouch) (>= netstandard2.0)) (&& (< net46) (>= netstandard2.0)) (&& (>= net461) (< net472) (>= netstandard2.0)) (>= netcoreapp2.0) (&& (>= netstandard2.0) (>= xamarintvos)) (&& (>= netstandard2.0) (>= xamarinwatchos)) (>= xamarinios) (>= xamarinmac)
      Microsoft.NETCore.Platforms (>= 3.1) - restriction: || (&& (>= netcoreapp2.0) (< netcoreapp2.1)) (&& (>= netcoreapp2.1) (< netcoreapp3.0))
    System.Text.Encoding (4.3) - restriction: >= netcoreapp5.0
      Microsoft.NETCore.Platforms (>= 1.1) - restriction: || (&& (< monoandroid) (< monotouch) (< net45) (>= netstandard1.3) (< win8) (< wpa81) (< xamarinios) (< xamarinmac) (< xamarintvos) (< xamarinwatchos)) (&& (< monoandroid) (< net45) (>= netstandard1.0) (< netstandard1.3) (< win8) (< wp8) (< wpa81)) (>= netcoreapp5.0)
      Microsoft.NETCore.Targets (>= 1.1) - restriction: || (&& (< monoandroid) (< monotouch) (< net45) (>= netstandard1.3) (< win8) (< wpa81) (< xamarinios) (< xamarinmac) (< xamarintvos) (< xamarinwatchos)) (&& (< monoandroid) (< net45) (>= netstandard1.0) (< netstandard1.3) (< win8) (< wp8) (< wpa81)) (>= netcoreapp5.0)
      System.Runtime (>= 4.3) - restriction: || (&& (< monoandroid) (< monotouch) (< net45) (>= netstandard1.3) (< win8) (< wpa81) (< xamarinios) (< xamarinmac) (< xamarintvos) (< xamarinwatchos)) (&& (< monoandroid) (< net45) (>= netstandard1.0) (< netstandard1.3) (< win8) (< wp8) (< wpa81)) (>= netcoreapp5.0)
    System.Text.Encoding.CodePages (4.7.1) - restriction: && (< net472) (>= netstandard2.0)
      Microsoft.NETCore.Platforms (>= 3.1.1) - restriction: >= netcoreapp2.0
      System.Runtime.CompilerServices.Unsafe (>= 4.7.1) - restriction: || (&& (< monoandroid) (< net46) (< netcoreapp2.0) (>= netstandard2.0) (< xamarinios) (< xamarinmac)) (>= net461) (&& (>= netcoreapp2.0) (< netcoreapp3.1))
    System.Threading.Tasks (4.3) - restriction: >= netcoreapp5.0
      Microsoft.NETCore.Platforms (>= 1.1) - restriction: || (&& (< monoandroid) (< monotouch) (< net45) (>= netstandard1.3) (< win8) (< wpa81) (< xamarinios) (< xamarinmac) (< xamarintvos) (< xamarinwatchos)) (&& (< monoandroid) (< net45) (>= netstandard1.0) (< netstandard1.3) (< win8) (< wp8) (< wpa81)) (>= netcoreapp5.0)
      Microsoft.NETCore.Targets (>= 1.1) - restriction: || (&& (< monoandroid) (< monotouch) (< net45) (>= netstandard1.3) (< win8) (< wpa81) (< xamarinios) (< xamarinmac) (< xamarintvos) (< xamarinwatchos)) (&& (< monoandroid) (< net45) (>= netstandard1.0) (< netstandard1.3) (< win8) (< wp8) (< wpa81)) (>= netcoreapp5.0)
      System.Runtime (>= 4.3) - restriction: || (&& (< monoandroid) (< monotouch) (< net45) (>= netstandard1.3) (< win8) (< wpa81) (< xamarinios) (< xamarinmac) (< xamarintvos) (< xamarinwatchos)) (&& (< monoandroid) (< net45) (>= netstandard1.0) (< netstandard1.3) (< win8) (< wp8) (< wpa81)) (>= netcoreapp5.0)
    System.Threading.Tasks.Dataflow (4.11.1) - restriction: >= netstandard2.0
    System.ValueTuple (4.5) - restriction: && (>= net461) (>= netstandard2.0)
    System.Windows.Extensions (4.7) - restriction: >= netcoreapp3.0
      System.Drawing.Common (>= 4.7) - restriction: >= netcoreapp3.0

GROUP Thermo
NUGET
  remote: lib/ThermoFisher
    ThermoFisher.CommonCore.BackgroundSubtraction (4.0.107)
    ThermoFisher.CommonCore.Data (4.0.107)
    ThermoFisher.CommonCore.MassPrecisionEstimator (4.0.107)
    ThermoFisher.CommonCore.RawFileReader (4.0.107)
