GENERATE-LOAD-SCRIPTS: ON
RESTRICTION: || (== net45) (== net451) (== net47) (== netcoreapp2.1) (== netstandard2.0)
NUGET
  remote: https://www.nuget.org/api/v2
    Argu (6.1.1)
      FSharp.Core (>= 4.3.2) - restriction: || (&& (== net45) (>= netstandard2.0)) (&& (== net451) (>= netstandard2.0)) (&& (== net47) (>= netstandard2.0)) (== netcoreapp2.1) (== netstandard2.0)
      System.Configuration.ConfigurationManager (>= 4.4) - restriction: || (&& (== net45) (>= netstandard2.0)) (&& (== net451) (>= netstandard2.0)) (&& (== net47) (>= netstandard2.0)) (== netcoreapp2.1) (== netstandard2.0)
    BenchmarkDotNet (0.12.1) - restriction: || (&& (== net45) (>= net461)) (&& (== net45) (>= netstandard2.0)) (&& (== net451) (>= net461)) (&& (== net451) (>= netstandard2.0)) (== net47) (== netcoreapp2.1) (== netstandard2.0)
      BenchmarkDotNet.Annotations (>= 0.12.1) - restriction: || (&& (== net45) (>= netstandard2.0)) (&& (== net451) (>= netstandard2.0)) (&& (== net47) (>= netstandard2.0)) (== netcoreapp2.1) (== netstandard2.0)
      CommandLineParser (>= 2.4.3) - restriction: || (&& (== net45) (>= netstandard2.0)) (&& (== net451) (>= netstandard2.0)) (&& (== net47) (>= netstandard2.0)) (== netcoreapp2.1) (== netstandard2.0)
      Iced (>= 1.4) - restriction: || (&& (== net45) (>= netstandard2.0)) (&& (== net451) (>= netstandard2.0)) (&& (== net47) (>= netstandard2.0)) (== netcoreapp2.1) (== netstandard2.0)
      Microsoft.CodeAnalysis.CSharp (>= 2.10) - restriction: || (&& (== net45) (>= netstandard2.0)) (&& (== net451) (>= netstandard2.0)) (&& (== net47) (>= netstandard2.0)) (== netcoreapp2.1) (== netstandard2.0)
      Microsoft.Diagnostics.NETCore.Client (>= 0.2.61701) - restriction: || (&& (== net45) (>= netstandard2.0)) (&& (== net451) (>= netstandard2.0)) (&& (== net47) (>= netstandard2.0)) (== netcoreapp2.1) (== netstandard2.0)
      Microsoft.Diagnostics.Runtime (>= 1.1.57604) - restriction: || (&& (== net45) (>= netstandard2.0)) (&& (== net451) (>= netstandard2.0)) (&& (== net47) (>= netstandard2.0)) (== netcoreapp2.1) (== netstandard2.0)
      Microsoft.Diagnostics.Tracing.TraceEvent (>= 2.0.49) - restriction: || (&& (== net45) (>= netstandard2.0)) (&& (== net451) (>= netstandard2.0)) (&& (== net47) (>= netstandard2.0)) (== netcoreapp2.1) (== netstandard2.0)
      Microsoft.DotNet.PlatformAbstractions (>= 2.1) - restriction: || (&& (== net45) (>= netstandard2.0)) (&& (== net451) (>= netstandard2.0)) (&& (== net47) (>= netstandard2.0)) (== netcoreapp2.1) (== netstandard2.0)
      Microsoft.Win32.Registry (>= 4.5) - restriction: || (&& (== net45) (>= netstandard2.0)) (&& (== net451) (>= netstandard2.0)) (&& (== net47) (>= netstandard2.0)) (== netcoreapp2.1) (== netstandard2.0)
      Perfolizer (>= 0.2.1) - restriction: || (&& (== net45) (>= netstandard2.0)) (&& (== net451) (>= netstandard2.0)) (&& (== net47) (>= netstandard2.0)) (== netcoreapp2.1) (== netstandard2.0)
      System.Management (>= 4.5) - restriction: || (&& (== net45) (>= netstandard2.0)) (&& (== net451) (>= netstandard2.0)) (&& (== net47) (>= netstandard2.0)) (== netcoreapp2.1) (== netstandard2.0)
      System.Reflection.Emit (>= 4.3) - restriction: || (&& (== net45) (>= netstandard2.0)) (&& (== net451) (>= netstandard2.0)) (&& (== net47) (>= netstandard2.0)) (== netcoreapp2.1) (== netstandard2.0)
      System.Reflection.Emit.Lightweight (>= 4.3) - restriction: || (&& (== net45) (>= netstandard2.0)) (&& (== net451) (>= netstandard2.0)) (&& (== net47) (>= netstandard2.0)) (== netcoreapp2.1) (== netstandard2.0)
      System.Threading.Tasks.Extensions (>= 4.5.2) - restriction: || (&& (== net45) (>= netstandard2.0)) (&& (== net451) (>= netstandard2.0)) (&& (== net47) (>= netstandard2.0)) (== netcoreapp2.1) (== netstandard2.0)
      System.ValueTuple (>= 4.5) - restriction: || (&& (== net45) (>= netstandard2.0)) (&& (== net451) (>= netstandard2.0)) (&& (== net47) (>= netstandard2.0)) (== netcoreapp2.1) (== netstandard2.0)
    BenchmarkDotNet.Annotations (0.12.1) - restriction: || (&& (== net45) (>= netstandard2.0)) (&& (== net451) (>= netstandard2.0)) (&& (== net47) (>= netstandard2.0)) (== netcoreapp2.1) (== netstandard2.0)
    CommandLineParser (2.8) - restriction: || (&& (== net45) (>= netstandard2.0)) (&& (== net451) (>= netstandard2.0)) (&& (== net47) (>= netstandard2.0)) (== netcoreapp2.1) (== netstandard2.0)
    Expecto (7.0.1)
      Argu (>= 5.1) - restriction: || (&& (== net45) (>= net461)) (&& (== net45) (>= netstandard2.0)) (&& (== net451) (>= net461)) (&& (== net451) (>= netstandard2.0)) (== net47) (== netcoreapp2.1) (== netstandard2.0)
      Mono.Cecil (>= 0.10) - restriction: || (&& (== net45) (>= net461)) (&& (== net45) (>= netstandard2.0)) (&& (== net451) (>= net461)) (&& (== net451) (>= netstandard2.0)) (== net47) (== netcoreapp2.1) (== netstandard2.0)
      System.Diagnostics.FileVersionInfo (>= 4.3) - restriction: || (&& (== net45) (>= netstandard2.0)) (&& (== net451) (>= netstandard2.0)) (&& (== net47) (< net461) (>= netstandard2.0)) (== netcoreapp2.1) (== netstandard2.0)
    Expecto.BenchmarkDotNet (9.0.2)
      BenchmarkDotNet (>= 0.12.1) - restriction: || (&& (== net45) (>= net461)) (&& (== net45) (>= netstandard2.0)) (&& (== net451) (>= net461)) (&& (== net451) (>= netstandard2.0)) (== net47) (== netcoreapp2.1) (== netstandard2.0)
      FSharp.Core (>= 4.6) - restriction: || (&& (== net45) (>= net461)) (&& (== net45) (>= netstandard2.0)) (&& (== net451) (>= net461)) (&& (== net451) (>= netstandard2.0)) (== net47) (== netcoreapp2.1) (== netstandard2.0)
    Expecto.FsCheck (7.0.1)
      Expecto (>= 7.0.1) - restriction: || (&& (== net45) (>= net461)) (&& (== net45) (>= netstandard2.0)) (&& (== net451) (>= net461)) (&& (== net451) (>= netstandard2.0)) (== net47) (== netcoreapp2.1) (== netstandard2.0)
      FsCheck (>= 2.10.4) - restriction: || (&& (== net45) (>= net461)) (&& (== net45) (>= netstandard2.0)) (&& (== net451) (>= net461)) (&& (== net451) (>= netstandard2.0)) (== net47) (== netcoreapp2.1) (== netstandard2.0)
    Expecto.VisualStudio.TestAdapter (8.0.0) - version_in_path: true
      Expecto (>= 7.0 < 8.0) - restriction: || (&& (== net45) (>= net461)) (&& (== net451) (>= net461)) (== net47) (&& (== netcoreapp2.1) (>= net461)) (&& (== netstandard2.0) (>= net461))
      FSharp.Core (>= 4.1.18) - restriction: || (&& (== net45) (>= net461)) (&& (== net451) (>= net461)) (== net47) (&& (== netcoreapp2.1) (>= net461)) (&& (== netstandard2.0) (>= net461))
      Microsoft.TestPlatform.ObjectModel (>= 15.5) - restriction: || (&& (== net45) (>= net461)) (&& (== net451) (>= net461)) (== net47) (&& (== netcoreapp2.1) (>= net461)) (&& (== netstandard2.0) (>= net461))
      Mono.Cecil (>= 0.10.0-beta7) - restriction: || (&& (== net45) (>= net461)) (&& (== net451) (>= net461)) (== net47) (&& (== netcoreapp2.1) (>= net461)) (&& (== netstandard2.0) (>= net461))
      Newtonsoft.Json (>= 10.0.3) - restriction: || (&& (== net45) (>= net461)) (&& (== net451) (>= net461)) (== net47) (&& (== netcoreapp2.1) (>= net461)) (&& (== netstandard2.0) (>= net461))
    FsCheck (2.14.3) - restriction: || (&& (== net45) (>= net461)) (&& (== net45) (>= netstandard2.0)) (&& (== net451) (>= net461)) (&& (== net451) (>= netstandard2.0)) (== net47) (== netcoreapp2.1) (== netstandard2.0)
      FSharp.Core (>= 4.2.3) - restriction: || (&& (== net45) (>= net452)) (&& (== net45) (>= netstandard1.6)) (&& (== net451) (>= net452)) (&& (== net451) (>= netstandard1.6)) (== net47) (== netcoreapp2.1) (== netstandard2.0)
    FSharp.Core (5.0)
    Iced (1.9) - restriction: || (&& (== net45) (>= netstandard2.0)) (&& (== net451) (>= netstandard2.0)) (&& (== net47) (>= netstandard2.0)) (== netcoreapp2.1) (== netstandard2.0)
    Microsoft.Bcl.AsyncInterfaces (5.0) - restriction: || (&& (== net45) (>= netstandard2.0)) (&& (== net451) (>= netstandard2.0)) (&& (== net47) (>= netstandard2.0)) (== netcoreapp2.1) (== netstandard2.0)
      System.Threading.Tasks.Extensions (>= 4.5.4) - restriction: || (&& (== net45) (>= net461)) (&& (== net45) (>= netstandard2.0)) (&& (== net451) (>= net461)) (&& (== net451) (>= netstandard2.0)) (== net47) (&& (== netcoreapp2.1) (>= net461)) (== netstandard2.0)
    Microsoft.CodeAnalysis.Analyzers (3.3.1) - restriction: || (&& (== net45) (>= netstandard2.0)) (&& (== net451) (>= netstandard2.0)) (&& (== net47) (>= netstandard2.0)) (== netcoreapp2.1) (== netstandard2.0)
    Microsoft.CodeAnalysis.Common (3.8) - restriction: || (&& (== net45) (>= netstandard2.0)) (&& (== net451) (>= netstandard2.0)) (&& (== net47) (>= netstandard2.0)) (== netcoreapp2.1) (== netstandard2.0)
      Microsoft.CodeAnalysis.Analyzers (>= 3.0) - restriction: || (&& (== net45) (>= netstandard2.0)) (&& (== net451) (>= netstandard2.0)) (&& (== net47) (>= netstandard2.0)) (== netcoreapp2.1) (== netstandard2.0)
      System.Collections.Immutable (>= 5.0) - restriction: || (&& (== net45) (>= netstandard2.0)) (&& (== net451) (>= netstandard2.0)) (&& (== net47) (>= netstandard2.0)) (== netcoreapp2.1) (== netstandard2.0)
      System.Memory (>= 4.5.4) - restriction: || (&& (== net45) (>= netstandard2.0)) (&& (== net451) (>= netstandard2.0)) (&& (== net47) (>= netstandard2.0)) (== netcoreapp2.1) (== netstandard2.0)
      System.Reflection.Metadata (>= 5.0) - restriction: || (&& (== net45) (>= netstandard2.0)) (&& (== net451) (>= netstandard2.0)) (&& (== net47) (>= netstandard2.0)) (== netcoreapp2.1) (== netstandard2.0)
      System.Runtime.CompilerServices.Unsafe (>= 4.7.1) - restriction: || (&& (== net45) (>= netstandard2.0)) (&& (== net451) (>= netstandard2.0)) (&& (== net47) (>= netstandard2.0)) (== netcoreapp2.1) (== netstandard2.0)
      System.Text.Encoding.CodePages (>= 4.5.1) - restriction: || (&& (== net45) (>= netstandard2.0)) (&& (== net451) (>= netstandard2.0)) (&& (== net47) (>= netstandard2.0)) (== netcoreapp2.1) (== netstandard2.0)
      System.Threading.Tasks.Extensions (>= 4.5.4) - restriction: || (&& (== net45) (>= netstandard2.0)) (&& (== net451) (>= netstandard2.0)) (&& (== net47) (>= netstandard2.0)) (== netcoreapp2.1) (== netstandard2.0)
    Microsoft.CodeAnalysis.CSharp (3.8) - restriction: || (&& (== net45) (>= netstandard2.0)) (&& (== net451) (>= netstandard2.0)) (&& (== net47) (>= netstandard2.0)) (== netcoreapp2.1) (== netstandard2.0)
      Microsoft.CodeAnalysis.Common (3.8) - restriction: || (&& (== net45) (>= netstandard2.0)) (&& (== net451) (>= netstandard2.0)) (&& (== net47) (>= netstandard2.0)) (== netcoreapp2.1) (== netstandard2.0)
    Microsoft.Diagnostics.NETCore.Client (0.2.152202) - restriction: || (&& (== net45) (>= netstandard2.0)) (&& (== net451) (>= netstandard2.0)) (&& (== net47) (>= netstandard2.0)) (== netcoreapp2.1) (== netstandard2.0)
      Microsoft.Bcl.AsyncInterfaces (>= 1.1) - restriction: || (&& (== net45) (>= netstandard2.0)) (&& (== net451) (>= netstandard2.0)) (&& (== net47) (>= netstandard2.0)) (== netcoreapp2.1) (== netstandard2.0)
    Microsoft.Diagnostics.Runtime (2.0.156101) - restriction: || (&& (== net45) (>= netstandard2.0)) (&& (== net451) (>= netstandard2.0)) (&& (== net47) (>= netstandard2.0)) (== netcoreapp2.1) (== netstandard2.0)
      Microsoft.Diagnostics.NETCore.Client (>= 0.2.61701) - restriction: || (&& (== net45) (>= net461)) (&& (== net45) (>= netstandard2.0)) (&& (== net451) (>= net461)) (&& (== net451) (>= netstandard2.0)) (== net47) (== netcoreapp2.1) (== netstandard2.0)
      System.Buffers (>= 4.5.1) - restriction: || (&& (== net45) (>= net461)) (&& (== net45) (>= netstandard2.0)) (&& (== net451) (>= net461)) (&& (== net451) (>= netstandard2.0)) (== net47) (== netcoreapp2.1) (== netstandard2.0)
      System.Collections.Immutable (>= 1.7.1) - restriction: || (&& (== net45) (>= net461)) (&& (== net45) (>= netstandard2.0)) (&& (== net451) (>= net461)) (&& (== net451) (>= netstandard2.0)) (== net47) (== netcoreapp2.1) (== netstandard2.0)
      System.Memory (>= 4.5.4) - restriction: || (&& (== net45) (>= net461)) (&& (== net45) (>= netstandard2.0)) (&& (== net451) (>= net461)) (&& (== net451) (>= netstandard2.0)) (== net47) (== netcoreapp2.1) (== netstandard2.0)
      System.Reflection.Metadata (>= 1.8.1) - restriction: || (&& (== net45) (>= net461)) (&& (== net45) (>= netstandard2.0)) (&& (== net451) (>= net461)) (&& (== net451) (>= netstandard2.0)) (== net47) (== netcoreapp2.1) (== netstandard2.0)
      System.Runtime.CompilerServices.Unsafe (>= 4.7.1) - restriction: || (&& (== net45) (>= net461)) (&& (== net45) (>= netstandard2.0)) (&& (== net451) (>= net461)) (&& (== net451) (>= netstandard2.0)) (== net47) (== netcoreapp2.1) (== netstandard2.0)
    Microsoft.Diagnostics.Tracing.TraceEvent (2.0.62) - restriction: || (&& (== net45) (>= netstandard2.0)) (&& (== net451) (>= netstandard2.0)) (&& (== net47) (>= netstandard2.0)) (== netcoreapp2.1) (== netstandard2.0)
      System.Runtime.CompilerServices.Unsafe (>= 4.5.2)
    Microsoft.DotNet.PlatformAbstractions (3.1.6) - restriction: || (&& (== net45) (>= netstandard2.0)) (&& (== net451) (>= netstandard2.0)) (&& (== net47) (>= netstandard2.0)) (== netcoreapp2.1) (== netstandard2.0)
    Microsoft.NETCore.Platforms (5.0) - restriction: || (&& (== net45) (>= netcoreapp2.0)) (&& (== net45) (>= netcoreapp5.0)) (&& (== net451) (< net45) (>= netstandard2.0)) (&& (== net451) (>= netcoreapp2.0)) (&& (== net451) (>= netcoreapp5.0)) (&& (== net47) (< net45) (>= netstandard2.0)) (&& (== net47) (>= netcoreapp2.0)) (&& (== net47) (>= netcoreapp5.0)) (== netcoreapp2.1) (== netstandard2.0)
    Microsoft.NETCore.Targets (5.0) - restriction: || (&& (== net45) (>= netcoreapp5.0)) (&& (== net451) (< net45) (>= netstandard2.0)) (&& (== net451) (>= netcoreapp5.0)) (&& (== net47) (< net45) (>= netstandard2.0)) (&& (== net47) (>= netcoreapp5.0)) (== netcoreapp2.1) (== netstandard2.0)
    Microsoft.TestPlatform.ObjectModel (16.8.3) - version_in_path: true, restriction: || (&& (== net45) (>= net461)) (&& (== net451) (>= net461)) (== net47) (&& (== netcoreapp2.1) (>= net461)) (&& (== netstandard2.0) (>= net461))
      NuGet.Frameworks (>= 5.0) - restriction: || (&& (== net45) (>= net451)) (&& (== net45) (>= netstandard2.0)) (== net451) (== net47) (== netcoreapp2.1) (== netstandard2.0)
      System.Reflection.Metadata (>= 1.6) - restriction: || (&& (== net45) (>= net451)) (&& (== net45) (>= netstandard2.0)) (== net451) (== net47) (== netcoreapp2.1) (== netstandard2.0)
      System.Runtime.InteropServices.RuntimeInformation (>= 4.0) - restriction: || (&& (== net45) (>= net451)) (&& (== net45) (>= netstandard2.0)) (== net451) (== net47) (== netcoreapp2.1) (== netstandard2.0)
    Microsoft.Win32.Registry (5.0) - restriction: || (&& (== net45) (>= netcoreapp2.0)) (&& (== net45) (>= netstandard2.0)) (&& (== net451) (>= netcoreapp2.0)) (&& (== net451) (>= netstandard2.0)) (&& (== net47) (>= netcoreapp2.0)) (&& (== net47) (>= netstandard2.0)) (== netcoreapp2.1) (== netstandard2.0)
      System.Buffers (>= 4.5.1) - restriction: || (&& (== net45) (>= monoandroid)) (&& (== net45) (>= monotouch)) (&& (== net45) (>= netstandard2.0)) (&& (== net45) (>= xamarinios)) (&& (== net45) (>= xamarinmac)) (&& (== net45) (>= xamarintvos)) (&& (== net45) (>= xamarinwatchos)) (&& (== net451) (>= monoandroid)) (&& (== net451) (>= monotouch)) (&& (== net451) (>= netstandard2.0)) (&& (== net451) (>= xamarinios)) (&& (== net451) (>= xamarinmac)) (&& (== net451) (>= xamarintvos)) (&& (== net451) (>= xamarinwatchos)) (&& (== net47) (>= monoandroid)) (&& (== net47) (>= monotouch)) (&& (== net47) (< net46) (>= netstandard2.0)) (&& (== net47) (>= xamarinios)) (&& (== net47) (>= xamarinmac)) (&& (== net47) (>= xamarintvos)) (&& (== net47) (>= xamarinwatchos)) (&& (== netcoreapp2.1) (>= monoandroid)) (&& (== netcoreapp2.1) (>= monotouch)) (&& (== netcoreapp2.1) (< netcoreapp2.0)) (&& (== netcoreapp2.1) (>= xamarinios)) (&& (== netcoreapp2.1) (>= xamarinmac)) (&& (== netcoreapp2.1) (>= xamarintvos)) (&& (== netcoreapp2.1) (>= xamarinwatchos)) (== netstandard2.0)
      System.Memory (>= 4.5.4) - restriction: || (&& (== net45) (>= netcoreapp2.0)) (&& (== net45) (>= netstandard2.0)) (&& (== net45) (>= uap10.1)) (&& (== net451) (>= netcoreapp2.0)) (&& (== net451) (>= netstandard2.0)) (&& (== net451) (>= uap10.1)) (&& (== net47) (< net46) (>= netstandard2.0)) (&& (== net47) (>= netcoreapp2.0)) (&& (== net47) (>= uap10.1)) (&& (== netcoreapp2.1) (< netcoreapp2.0)) (&& (== netcoreapp2.1) (>= uap10.1)) (== netstandard2.0)
      System.Security.AccessControl (>= 5.0) - restriction: || (&& (== net45) (>= monoandroid)) (&& (== net45) (>= monotouch)) (&& (== net45) (>= net461)) (&& (== net45) (>= netcoreapp2.0)) (&& (== net45) (>= netstandard2.0)) (&& (== net45) (>= uap10.1)) (&& (== net45) (>= xamarinios)) (&& (== net45) (>= xamarinmac)) (&& (== net45) (>= xamarintvos)) (&& (== net45) (>= xamarinwatchos)) (&& (== net451) (>= monoandroid)) (&& (== net451) (>= monotouch)) (&& (== net451) (>= net461)) (&& (== net451) (>= netcoreapp2.0)) (&& (== net451) (>= netstandard2.0)) (&& (== net451) (>= uap10.1)) (&& (== net451) (>= xamarinios)) (&& (== net451) (>= xamarinmac)) (&& (== net451) (>= xamarintvos)) (&& (== net451) (>= xamarinwatchos)) (== net47) (== netcoreapp2.1) (== netstandard2.0)
      System.Security.Principal.Windows (>= 5.0) - restriction: || (&& (== net45) (>= monoandroid)) (&& (== net45) (>= monotouch)) (&& (== net45) (>= net461)) (&& (== net45) (>= netcoreapp2.0)) (&& (== net45) (>= netstandard2.0)) (&& (== net45) (>= uap10.1)) (&& (== net45) (>= xamarinios)) (&& (== net45) (>= xamarinmac)) (&& (== net45) (>= xamarintvos)) (&& (== net45) (>= xamarinwatchos)) (&& (== net451) (>= monoandroid)) (&& (== net451) (>= monotouch)) (&& (== net451) (>= net461)) (&& (== net451) (>= netcoreapp2.0)) (&& (== net451) (>= netstandard2.0)) (&& (== net451) (>= uap10.1)) (&& (== net451) (>= xamarinios)) (&& (== net451) (>= xamarinmac)) (&& (== net451) (>= xamarintvos)) (&& (== net451) (>= xamarinwatchos)) (== net47) (== netcoreapp2.1) (== netstandard2.0)
    Mono.Cecil (0.11.3) - restriction: || (&& (== net45) (>= net461)) (&& (== net45) (>= netstandard2.0)) (&& (== net451) (>= net461)) (&& (== net451) (>= netstandard2.0)) (== net47) (== netcoreapp2.1) (== netstandard2.0)
    Newtonsoft.Json (12.0.3)
    NuGet.Frameworks (5.8.0+830c8be45dbbccd411ecf6080abff0c2c98079cf) - version_in_path: true, restriction: || (&& (== net45) (>= net461)) (&& (== net451) (>= net461)) (== net47) (&& (== netcoreapp2.1) (>= net461)) (&& (== netstandard2.0) (>= net461))
    Perfolizer (0.2.1) - restriction: || (&& (== net45) (>= netstandard2.0)) (&& (== net451) (>= netstandard2.0)) (&& (== net47) (>= netstandard2.0)) (== netcoreapp2.1) (== netstandard2.0)
      System.Memory (>= 4.5.3) - restriction: || (&& (== net45) (>= netstandard2.0)) (&& (== net451) (>= netstandard2.0)) (&& (== net47) (>= netstandard2.0)) (== netcoreapp2.1) (== netstandard2.0)
    Stub.System.Data.SQLite.Core.NetFramework (1.0.113.3) - restriction: || (== net45) (== net451) (== net47) (&& (== netcoreapp2.1) (>= net20) (< netstandard2.0)) (&& (== netcoreapp2.1) (>= net40) (< netstandard2.0)) (&& (== netcoreapp2.1) (>= net45) (< netstandard2.0)) (&& (== netcoreapp2.1) (>= net451) (< netstandard2.0)) (&& (== netcoreapp2.1) (>= net46)) (&& (== netstandard2.0) (>= net46))
    Stub.System.Data.SQLite.Core.NetStandard (1.0.113.1) - restriction: || (&& (== net45) (< net20) (>= netstandard2.0)) (&& (== net45) (>= netstandard2.1)) (&& (== net451) (< net20) (>= netstandard2.0)) (&& (== net451) (>= netstandard2.1)) (&& (== net47) (< net20) (>= netstandard2.0)) (&& (== net47) (>= netstandard2.1)) (== netcoreapp2.1) (== netstandard2.0)
    System.Buffers (4.5.1) - restriction: || (&& (== net45) (>= netstandard2.0)) (&& (== net45) (>= xamarinios)) (&& (== net45) (>= xamarinmac)) (&& (== net451) (>= netstandard2.0)) (&& (== net451) (>= xamarinios)) (&& (== net451) (>= xamarinmac)) (&& (== net47) (>= netstandard2.0)) (&& (== net47) (>= xamarinios)) (&& (== net47) (>= xamarinmac)) (== netcoreapp2.1) (== netstandard2.0)
    System.CodeDom (5.0) - restriction: || (&& (== net45) (>= netcoreapp2.0)) (&& (== net451) (< net45) (>= netstandard2.0)) (&& (== net451) (>= netcoreapp2.0)) (&& (== net47) (< net45) (>= netstandard2.0)) (&& (== net47) (>= netcoreapp2.0)) (== netcoreapp2.1) (== netstandard2.0)
    System.Collections.Immutable (5.0.0) - version_in_path: true, restriction: || (&& (== net45) (>= net461)) (&& (== net45) (>= netstandard2.0)) (&& (== net451) (>= net461)) (&& (== net451) (>= netstandard2.0)) (== net47) (== netcoreapp2.1) (== netstandard2.0)
      System.Memory (>= 4.5.4) - restriction: || (&& (== net45) (>= net46)) (&& (== net45) (>= net461)) (&& (== net45) (>= uap10.1)) (&& (== net451) (< net45) (>= netstandard1.3)) (&& (== net451) (< net45) (>= netstandard2.0)) (&& (== net451) (>= net46)) (&& (== net451) (>= net461)) (&& (== net451) (>= uap10.1)) (== net47) (&& (== netcoreapp2.1) (>= net461)) (&& (== netcoreapp2.1) (< netstandard2.0)) (&& (== netcoreapp2.1) (>= uap10.1)) (== netstandard2.0)
    System.Configuration.ConfigurationManager (5.0) - restriction: || (&& (== net45) (>= netstandard2.0)) (&& (== net451) (>= netstandard2.0)) (&& (== net47) (>= netstandard2.0)) (== netcoreapp2.1) (== netstandard2.0)
      System.Security.Cryptography.ProtectedData (>= 5.0) - restriction: || (&& (== net45) (>= netstandard2.0)) (&& (== net451) (>= netstandard2.0)) (&& (== net47) (< net461) (>= netstandard2.0)) (== netcoreapp2.1) (== netstandard2.0)
      System.Security.Permissions (>= 5.0) - restriction: || (&& (== net45) (>= monoandroid)) (&& (== net45) (>= monotouch)) (&& (== net45) (>= net461)) (&& (== net45) (>= netstandard2.0)) (&& (== net45) (>= xamarintvos)) (&& (== net45) (>= xamarinwatchos)) (&& (== net451) (>= monoandroid)) (&& (== net451) (>= monotouch)) (&& (== net451) (>= net461)) (&& (== net451) (>= netstandard2.0)) (&& (== net451) (>= xamarintvos)) (&& (== net451) (>= xamarinwatchos)) (== net47) (== netcoreapp2.1) (== netstandard2.0)
    System.Data.SQLite.Core (1.0.113.6)
      Stub.System.Data.SQLite.Core.NetFramework (>= 1.0.113.3) - restriction: || (== net45) (== net451) (== net47) (&& (== netcoreapp2.1) (>= net20) (< netstandard2.0)) (&& (== netcoreapp2.1) (>= net40) (< netstandard2.0)) (&& (== netcoreapp2.1) (>= net45) (< netstandard2.0)) (&& (== netcoreapp2.1) (>= net451) (< netstandard2.0)) (&& (== netcoreapp2.1) (>= net46)) (&& (== netstandard2.0) (>= net46))
      Stub.System.Data.SQLite.Core.NetStandard (>= 1.0.113.1) - restriction: || (&& (== net45) (< net20) (>= netstandard2.0)) (&& (== net45) (>= netstandard2.1)) (&& (== net451) (< net20) (>= netstandard2.0)) (&& (== net451) (>= netstandard2.1)) (&& (== net47) (< net20) (>= netstandard2.0)) (&& (== net47) (>= netstandard2.1)) (== netcoreapp2.1) (== netstandard2.0)
    System.Diagnostics.FileVersionInfo (4.3) - restriction: || (&& (== net45) (>= netstandard2.0)) (&& (== net451) (>= netstandard2.0)) (&& (== net47) (< net461) (>= netstandard2.0)) (== netcoreapp2.1) (== netstandard2.0)
      Microsoft.NETCore.Platforms (>= 1.1) - restriction: || (&& (== net45) (>= netcoreapp5.0)) (&& (== net45) (>= netstandard1.3)) (&& (== net451) (>= netcoreapp5.0)) (&& (== net451) (>= netstandard1.3)) (&& (== net47) (< net46)) (&& (== net47) (>= netcoreapp5.0)) (== netcoreapp2.1) (== netstandard2.0)
      System.Globalization (>= 4.3) - restriction: || (&& (== net45) (>= netstandard1.3)) (&& (== net451) (>= netstandard1.3)) (&& (== net47) (< net46)) (== netcoreapp2.1) (== netstandard2.0)
      System.IO (>= 4.3) - restriction: || (&& (== net45) (>= netcoreapp5.0)) (&& (== net45) (>= netstandard1.3)) (&& (== net451) (>= netcoreapp5.0)) (&& (== net451) (>= netstandard1.3)) (&& (== net47) (< net46)) (&& (== net47) (>= netcoreapp5.0)) (== netcoreapp2.1) (== netstandard2.0)
      System.IO.FileSystem (>= 4.3) - restriction: || (&& (== net45) (>= netcoreapp5.0)) (&& (== net45) (>= netstandard1.3)) (&& (== net451) (>= netcoreapp5.0)) (&& (== net451) (>= netstandard1.3)) (&& (== net47) (< net46)) (&& (== net47) (>= netcoreapp5.0)) (== netcoreapp2.1) (== netstandard2.0)
      System.IO.FileSystem.Primitives (>= 4.3) - restriction: || (&& (== net45) (>= netcoreapp5.0)) (&& (== net45) (>= netstandard1.3)) (&& (== net451) (>= netcoreapp5.0)) (&& (== net451) (>= netstandard1.3)) (&& (== net47) (< net46)) (&& (== net47) (>= netcoreapp5.0)) (== netcoreapp2.1) (== netstandard2.0)
      System.Reflection.Metadata (>= 1.4.1) - restriction: || (&& (== net45) (>= netcoreapp5.0)) (&& (== net45) (>= netstandard1.3)) (&& (== net451) (>= netcoreapp5.0)) (&& (== net451) (>= netstandard1.3)) (&& (== net47) (< net46)) (&& (== net47) (>= netcoreapp5.0)) (== netcoreapp2.1) (== netstandard2.0)
      System.Runtime (>= 4.3) - restriction: || (&& (== net45) (>= netcoreapp5.0)) (&& (== net45) (>= netstandard1.3)) (&& (== net451) (>= netcoreapp5.0)) (&& (== net451) (>= netstandard1.3)) (&& (== net47) (< net46)) (&& (== net47) (>= netcoreapp5.0)) (== netcoreapp2.1) (== netstandard2.0)
      System.Runtime.Extensions (>= 4.3) - restriction: || (&& (== net45) (>= netcoreapp5.0)) (&& (== net45) (>= netstandard1.3)) (&& (== net451) (>= netcoreapp5.0)) (&& (== net451) (>= netstandard1.3)) (&& (== net47) (< net46)) (&& (== net47) (>= netcoreapp5.0)) (== netcoreapp2.1) (== netstandard2.0)
      System.Runtime.InteropServices (>= 4.3) - restriction: || (&& (== net45) (>= netstandard1.3)) (&& (== net451) (>= netstandard1.3)) (&& (== net47) (< net46)) (== netcoreapp2.1) (== netstandard2.0)
    System.Globalization (4.3) - restriction: || (&& (== net45) (>= netstandard2.0)) (&& (== net451) (>= netstandard2.0)) (&& (== net47) (< net46) (>= netstandard2.0)) (== netcoreapp2.1) (== netstandard2.0)
      Microsoft.NETCore.Platforms (>= 1.1) - restriction: || (&& (== net45) (>= netcoreapp5.0)) (&& (== net451) (< net45)) (&& (== net451) (>= netcoreapp5.0)) (&& (== net47) (< net45)) (&& (== net47) (>= netcoreapp5.0)) (== netcoreapp2.1) (== netstandard2.0)
      Microsoft.NETCore.Targets (>= 1.1) - restriction: || (&& (== net45) (>= netcoreapp5.0)) (&& (== net451) (< net45)) (&& (== net451) (>= netcoreapp5.0)) (&& (== net47) (< net45)) (&& (== net47) (>= netcoreapp5.0)) (== netcoreapp2.1) (== netstandard2.0)
      System.Runtime (>= 4.3) - restriction: || (&& (== net45) (>= netcoreapp5.0)) (&& (== net451) (< net45)) (&& (== net451) (>= netcoreapp5.0)) (&& (== net47) (< net45)) (&& (== net47) (>= netcoreapp5.0)) (== netcoreapp2.1) (== netstandard2.0)
    System.IO (4.3) - restriction: || (&& (== net45) (>= netcoreapp5.0)) (&& (== net45) (>= netstandard2.0)) (&& (== net451) (>= netcoreapp5.0)) (&& (== net451) (>= netstandard2.0)) (&& (== net47) (< net46) (>= netstandard2.0)) (&& (== net47) (>= netcoreapp5.0)) (== netcoreapp2.1) (== netstandard2.0)
      Microsoft.NETCore.Platforms (>= 1.1) - restriction: || (&& (== net45) (>= netcoreapp5.0)) (&& (== net451) (< net45)) (&& (== net451) (>= netcoreapp5.0)) (&& (== net47) (< net45)) (&& (== net47) (>= netcoreapp5.0)) (== netcoreapp2.1) (== netstandard2.0)
      Microsoft.NETCore.Targets (>= 1.1) - restriction: || (&& (== net45) (>= netcoreapp5.0)) (&& (== net451) (< net45)) (&& (== net451) (>= netcoreapp5.0)) (&& (== net47) (< net45)) (&& (== net47) (>= netcoreapp5.0)) (== netcoreapp2.1) (== netstandard2.0)
      System.Runtime (>= 4.3) - restriction: || (&& (== net45) (>= netcoreapp5.0)) (&& (== net451) (< net45)) (&& (== net451) (>= netcoreapp5.0)) (&& (== net47) (< net45)) (&& (== net47) (>= netcoreapp5.0)) (== netcoreapp2.1) (== netstandard2.0)
      System.Text.Encoding (>= 4.3) - restriction: || (&& (== net45) (>= netcoreapp5.0)) (&& (== net451) (< net45)) (&& (== net451) (>= netcoreapp5.0)) (&& (== net47) (< net45)) (&& (== net47) (>= netcoreapp5.0)) (== netcoreapp2.1) (== netstandard2.0)
      System.Threading.Tasks (>= 4.3) - restriction: || (&& (== net45) (>= netcoreapp5.0)) (&& (== net451) (< net45)) (&& (== net451) (>= netcoreapp5.0)) (&& (== net47) (< net45)) (&& (== net47) (>= netcoreapp5.0)) (== netcoreapp2.1) (== netstandard2.0)
    System.IO.FileSystem (4.3) - restriction: || (&& (== net45) (>= netcoreapp5.0)) (&& (== net45) (>= netstandard2.0)) (&& (== net451) (>= netcoreapp5.0)) (&& (== net451) (>= netstandard2.0)) (&& (== net47) (< net46) (>= netstandard2.0)) (&& (== net47) (>= netcoreapp5.0)) (== netcoreapp2.1) (== netstandard2.0)
      Microsoft.NETCore.Platforms (>= 1.1) - restriction: || (&& (== net45) (>= netstandard1.3)) (&& (== net451) (>= netstandard1.3)) (&& (== net47) (< net46)) (== netcoreapp2.1) (== netstandard2.0)
      Microsoft.NETCore.Targets (>= 1.1) - restriction: || (&& (== net45) (>= netstandard1.3)) (&& (== net451) (>= netstandard1.3)) (&& (== net47) (< net46)) (== netcoreapp2.1) (== netstandard2.0)
      System.IO (>= 4.3) - restriction: || (&& (== net45) (>= netstandard1.3)) (&& (== net451) (>= netstandard1.3)) (&& (== net47) (< net46)) (== netcoreapp2.1) (== netstandard2.0)
      System.IO.FileSystem.Primitives (>= 4.3) - restriction: || (&& (== net45) (>= net46)) (&& (== net45) (>= netstandard1.3)) (&& (== net451) (>= net46)) (&& (== net451) (>= netstandard1.3)) (== net47) (== netcoreapp2.1) (== netstandard2.0)
      System.Runtime (>= 4.3) - restriction: || (&& (== net45) (>= netstandard1.3)) (&& (== net451) (>= netstandard1.3)) (&& (== net47) (< net46)) (== netcoreapp2.1) (== netstandard2.0)
      System.Runtime.Handles (>= 4.3) - restriction: || (&& (== net45) (>= netstandard1.3)) (&& (== net451) (>= netstandard1.3)) (&& (== net47) (< net46)) (== netcoreapp2.1) (== netstandard2.0)
      System.Text.Encoding (>= 4.3) - restriction: || (&& (== net45) (>= netstandard1.3)) (&& (== net451) (>= netstandard1.3)) (&& (== net47) (< net46)) (== netcoreapp2.1) (== netstandard2.0)
      System.Threading.Tasks (>= 4.3) - restriction: || (&& (== net45) (>= netstandard1.3)) (&& (== net451) (>= netstandard1.3)) (&& (== net47) (< net46)) (== netcoreapp2.1) (== netstandard2.0)
    System.IO.FileSystem.Primitives (4.3) - restriction: || (&& (== net45) (>= netcoreapp5.0)) (&& (== net45) (>= netstandard2.0)) (&& (== net451) (>= netcoreapp5.0)) (&& (== net451) (>= netstandard2.0)) (&& (== net47) (< net46) (>= netstandard2.0)) (&& (== net47) (>= netcoreapp5.0)) (== netcoreapp2.1) (== netstandard2.0)
      System.Runtime (>= 4.3) - restriction: || (&& (== net45) (>= netstandard1.3)) (&& (== net451) (>= netstandard1.3)) (&& (== net47) (< net46)) (== netcoreapp2.1) (== netstandard2.0)
    System.Management (5.0) - restriction: || (&& (== net45) (>= netstandard2.0)) (&& (== net451) (>= netstandard2.0)) (&& (== net47) (>= netstandard2.0)) (== netcoreapp2.1) (== netstandard2.0)
      Microsoft.NETCore.Platforms (>= 5.0) - restriction: || (&& (== net45) (>= netcoreapp2.0)) (&& (== net451) (>= netcoreapp2.0)) (&& (== net47) (>= netcoreapp2.0)) (== netcoreapp2.1) (&& (== netstandard2.0) (>= netcoreapp2.0))
      Microsoft.Win32.Registry (>= 5.0) - restriction: || (&& (== net45) (>= netcoreapp2.0)) (&& (== net451) (>= netcoreapp2.0)) (&& (== net47) (>= netcoreapp2.0)) (== netcoreapp2.1) (&& (== netstandard2.0) (>= netcoreapp2.0))
      System.CodeDom (>= 5.0) - restriction: || (&& (== net45) (>= netcoreapp2.0)) (&& (== net451) (< net45) (>= netstandard2.0)) (&& (== net451) (>= netcoreapp2.0)) (&& (== net47) (< net45) (>= netstandard2.0)) (&& (== net47) (>= netcoreapp2.0)) (== netcoreapp2.1) (== netstandard2.0)
    System.Memory (4.5.4) - restriction: || (&& (== net45) (>= net461)) (&& (== net45) (>= netstandard2.0)) (&& (== net451) (>= net461)) (&& (== net451) (>= netstandard2.0)) (== net47) (== netcoreapp2.1) (== netstandard2.0)
      System.Buffers (>= 4.5.1) - restriction: || (== net45) (== net451) (== net47) (&& (== netcoreapp2.1) (>= monoandroid)) (&& (== netcoreapp2.1) (>= monotouch)) (&& (== netcoreapp2.1) (>= net461)) (&& (== netcoreapp2.1) (< netcoreapp2.0)) (&& (== netcoreapp2.1) (< netstandard1.1)) (&& (== netcoreapp2.1) (< netstandard2.0)) (&& (== netcoreapp2.1) (>= xamarinios)) (&& (== netcoreapp2.1) (>= xamarinmac)) (&& (== netcoreapp2.1) (>= xamarintvos)) (&& (== netcoreapp2.1) (>= xamarinwatchos)) (== netstandard2.0)
      System.Numerics.Vectors (>= 4.4) - restriction: || (&& (== net451) (< net45) (>= netstandard2.0)) (&& (== net47) (< net45) (>= netstandard2.0)) (&& (== netcoreapp2.1) (< netcoreapp2.0)) (== netstandard2.0)
      System.Runtime.CompilerServices.Unsafe (>= 4.5.3) - restriction: || (== net45) (== net451) (== net47) (&& (== netcoreapp2.1) (>= monoandroid)) (&& (== netcoreapp2.1) (>= monotouch)) (&& (== netcoreapp2.1) (>= net461)) (&& (== netcoreapp2.1) (< netcoreapp2.0)) (&& (== netcoreapp2.1) (< netstandard1.1)) (&& (== netcoreapp2.1) (< netstandard2.0)) (&& (== netcoreapp2.1) (>= uap10.1)) (&& (== netcoreapp2.1) (>= xamarinios)) (&& (== netcoreapp2.1) (>= xamarinmac)) (&& (== netcoreapp2.1) (>= xamarintvos)) (&& (== netcoreapp2.1) (>= xamarinwatchos)) (== netstandard2.0)
    System.Numerics.Vectors (4.5) - restriction: || (&& (== net45) (== netcoreapp2.1)) (&& (== net451) (== netcoreapp2.1)) (&& (== net451) (< net45) (>= netstandard2.0)) (&& (== net47) (== netcoreapp2.1)) (&& (== net47) (< net45) (>= netstandard2.0)) (&& (== netcoreapp2.1) (< netcoreapp2.0)) (== netstandard2.0)
    System.Reflection (4.3) - restriction: || (&& (== net45) (>= netcoreapp1.1) (>= netstandard2.0)) (&& (== net451) (< net45) (>= netstandard2.0)) (&& (== net451) (>= netcoreapp1.1) (>= netstandard2.0)) (&& (== net47) (< net45) (>= netstandard2.0)) (&& (== net47) (>= netcoreapp1.1) (>= netstandard2.0)) (== netcoreapp2.1) (== netstandard2.0)
      Microsoft.NETCore.Platforms (>= 1.1) - restriction: || (&& (== net45) (>= netcoreapp5.0)) (&& (== net451) (< net45)) (&& (== net451) (>= netcoreapp5.0)) (&& (== net47) (< net45)) (&& (== net47) (>= netcoreapp5.0)) (== netcoreapp2.1) (== netstandard2.0)
      Microsoft.NETCore.Targets (>= 1.1) - restriction: || (&& (== net45) (>= netcoreapp5.0)) (&& (== net451) (< net45)) (&& (== net451) (>= netcoreapp5.0)) (&& (== net47) (< net45)) (&& (== net47) (>= netcoreapp5.0)) (== netcoreapp2.1) (== netstandard2.0)
      System.IO (>= 4.3) - restriction: || (&& (== net45) (>= netcoreapp5.0)) (&& (== net451) (< net45)) (&& (== net451) (>= netcoreapp5.0)) (&& (== net47) (< net45)) (&& (== net47) (>= netcoreapp5.0)) (== netcoreapp2.1) (== netstandard2.0)
      System.Reflection.Primitives (>= 4.3) - restriction: || (&& (== net45) (>= netcoreapp5.0)) (&& (== net451) (< net45)) (&& (== net451) (>= netcoreapp5.0)) (&& (== net47) (< net45)) (&& (== net47) (>= netcoreapp5.0)) (== netcoreapp2.1) (== netstandard2.0)
      System.Runtime (>= 4.3) - restriction: || (&& (== net45) (>= netcoreapp5.0)) (&& (== net451) (< net45)) (&& (== net451) (>= netcoreapp5.0)) (&& (== net47) (< net45)) (&& (== net47) (>= netcoreapp5.0)) (== netcoreapp2.1) (== netstandard2.0)
    System.Reflection.Emit (4.7) - restriction: || (&& (== net45) (>= netstandard2.0)) (&& (== net451) (>= netstandard2.0)) (&& (== net47) (>= netstandard2.0)) (== netcoreapp2.1) (== netstandard2.0)
      System.Reflection.Emit.ILGeneration (>= 4.7) - restriction: || (&& (== net45) (>= netcoreapp5.0)) (&& (== net45) (< netstandard1.1)) (&& (== net45) (>= uap10.1)) (&& (== net45) (>= wpa81)) (&& (== net451) (< net45)) (&& (== net451) (>= netcoreapp5.0)) (&& (== net451) (< netstandard1.1)) (&& (== net451) (>= uap10.1)) (&& (== net451) (>= wpa81)) (&& (== net47) (< net45)) (&& (== net47) (>= netcoreapp5.0)) (&& (== net47) (< netstandard1.1)) (&& (== net47) (>= uap10.1)) (&& (== net47) (>= wpa81)) (&& (== netcoreapp2.1) (< netcoreapp2.0)) (&& (== netcoreapp2.1) (>= netcoreapp5.0)) (&& (== netcoreapp2.1) (< netstandard1.1)) (&& (== netcoreapp2.1) (< netstandard2.0)) (&& (== netcoreapp2.1) (>= uap10.1)) (== netstandard2.0)
    System.Reflection.Emit.ILGeneration (4.7) - restriction: || (&& (== net45) (== netcoreapp2.1)) (&& (== net45) (>= netcoreapp5.0)) (&& (== net45) (< netstandard1.1) (>= netstandard2.0)) (&& (== net45) (>= netstandard2.0) (>= uap10.1)) (&& (== net45) (>= netstandard2.0) (>= wpa81)) (&& (== net451) (== netcoreapp2.1)) (&& (== net451) (< net45) (>= netstandard2.0)) (&& (== net451) (>= netcoreapp5.0)) (&& (== net451) (< netstandard1.1) (>= netstandard2.0)) (&& (== net451) (>= netstandard2.0) (>= uap10.1)) (&& (== net451) (>= netstandard2.0) (>= wpa81)) (&& (== net47) (== netcoreapp2.1)) (&& (== net47) (< net45) (>= netstandard2.0)) (&& (== net47) (>= netcoreapp5.0)) (&& (== net47) (< netstandard1.1) (>= netstandard2.0)) (&& (== net47) (>= netstandard2.0) (>= uap10.1)) (&& (== net47) (>= netstandard2.0) (>= wpa81)) (&& (== netcoreapp2.1) (< netcoreapp2.0)) (&& (== netcoreapp2.1) (>= netcoreapp5.0)) (&& (== netcoreapp2.1) (< netstandard1.1)) (&& (== netcoreapp2.1) (< netstandard2.0)) (&& (== netcoreapp2.1) (>= uap10.1)) (== netstandard2.0)
    System.Reflection.Emit.Lightweight (4.7) - restriction: || (&& (== net45) (>= netstandard2.0)) (&& (== net451) (>= netstandard2.0)) (&& (== net47) (>= netstandard2.0)) (== netcoreapp2.1) (== netstandard2.0)
      System.Reflection.Emit.ILGeneration (>= 4.7) - restriction: || (&& (== net45) (>= netcoreapp5.0)) (&& (== net45) (< portable-net45+wp8)) (&& (== net45) (>= uap10.1)) (&& (== net45) (>= wpa81)) (&& (== net451) (< net45)) (&& (== net451) (>= netcoreapp5.0)) (&& (== net451) (< portable-net45+wp8)) (&& (== net451) (>= uap10.1)) (&& (== net451) (>= wpa81)) (&& (== net47) (< net45)) (&& (== net47) (>= netcoreapp5.0)) (&& (== net47) (< portable-net45+wp8)) (&& (== net47) (>= uap10.1)) (&& (== net47) (>= wpa81)) (&& (== netcoreapp2.1) (< netcoreapp2.0)) (&& (== netcoreapp2.1) (>= netcoreapp5.0)) (&& (== netcoreapp2.1) (< netstandard2.0)) (&& (== netcoreapp2.1) (< portable-net45+wp8)) (&& (== netcoreapp2.1) (>= uap10.1)) (== netstandard2.0)
    System.Reflection.Metadata (5.0.0) - version_in_path: true, restriction: || (&& (== net45) (>= net461)) (&& (== net45) (>= netcoreapp5.0)) (&& (== net45) (>= netstandard2.0)) (&& (== net451) (>= net461)) (&& (== net451) (>= netcoreapp5.0)) (&& (== net451) (>= netstandard2.0)) (== net47) (== netcoreapp2.1) (== netstandard2.0)
      System.Collections.Immutable (>= 5.0)
    System.Reflection.Primitives (4.3) - restriction: || (&& (== net45) (>= netcoreapp1.1) (>= netstandard2.0)) (&& (== net451) (< net45) (>= netstandard2.0)) (&& (== net451) (>= netcoreapp1.1) (>= netstandard2.0)) (&& (== net47) (< net45) (>= netstandard2.0)) (&& (== net47) (>= netcoreapp1.1) (>= netstandard2.0)) (== netcoreapp2.1) (== netstandard2.0)
      Microsoft.NETCore.Platforms (>= 1.1) - restriction: || (&& (== net45) (>= netcoreapp5.0)) (&& (== net451) (< net45)) (&& (== net451) (>= netcoreapp5.0)) (&& (== net47) (< net45)) (&& (== net47) (>= netcoreapp5.0)) (== netcoreapp2.1) (== netstandard2.0)
      Microsoft.NETCore.Targets (>= 1.1) - restriction: || (&& (== net45) (>= netcoreapp5.0)) (&& (== net451) (< net45)) (&& (== net451) (>= netcoreapp5.0)) (&& (== net47) (< net45)) (&& (== net47) (>= netcoreapp5.0)) (== netcoreapp2.1) (== netstandard2.0)
      System.Runtime (>= 4.3) - restriction: || (&& (== net45) (>= netcoreapp5.0)) (&& (== net451) (< net45)) (&& (== net451) (>= netcoreapp5.0)) (&& (== net47) (< net45)) (&& (== net47) (>= netcoreapp5.0)) (== netcoreapp2.1) (== netstandard2.0)
    System.Runtime (4.3.1) - restriction: || (&& (== net45) (>= netcoreapp5.0)) (&& (== net45) (>= netstandard2.0)) (&& (== net451) (>= netcoreapp5.0)) (&& (== net451) (>= netstandard2.0)) (&& (== net47) (< net45) (>= netstandard2.0)) (&& (== net47) (< net46) (>= netstandard2.0)) (&& (== net47) (>= netcoreapp5.0)) (== netcoreapp2.1) (== netstandard2.0)
      Microsoft.NETCore.Platforms (>= 1.1.1) - restriction: || (&& (== net45) (>= netcoreapp5.0)) (&& (== net451) (< net45)) (&& (== net451) (>= netcoreapp5.0)) (&& (== net47) (< net45)) (&& (== net47) (>= netcoreapp5.0)) (== netcoreapp2.1) (== netstandard2.0)
      Microsoft.NETCore.Targets (>= 1.1.3) - restriction: || (&& (== net45) (>= netcoreapp5.0)) (&& (== net451) (< net45)) (&& (== net451) (>= netcoreapp5.0)) (&& (== net47) (< net45)) (&& (== net47) (>= netcoreapp5.0)) (== netcoreapp2.1) (== netstandard2.0)
    System.Runtime.CompilerServices.Unsafe (5.0) - restriction: || (&& (== net45) (>= netcoreapp2.0)) (&& (== net45) (>= netstandard2.0)) (&& (== net451) (>= netcoreapp2.0)) (&& (== net451) (>= netstandard2.0)) (&& (== net47) (>= netcoreapp2.0)) (&& (== net47) (>= netstandard2.0)) (== netcoreapp2.1) (== netstandard2.0)
    System.Runtime.Extensions (4.3.1) - restriction: || (&& (== net45) (>= netcoreapp5.0)) (&& (== net45) (>= netstandard2.0)) (&& (== net451) (>= netcoreapp5.0)) (&& (== net451) (>= netstandard2.0)) (&& (== net47) (< net46) (>= netstandard2.0)) (&& (== net47) (>= netcoreapp5.0)) (== netcoreapp2.1) (== netstandard2.0)
      Microsoft.NETCore.Platforms (>= 1.1.1) - restriction: || (&& (== net45) (>= netcoreapp5.0)) (&& (== net451) (< net45)) (&& (== net451) (>= netcoreapp5.0)) (&& (== net47) (< net45)) (&& (== net47) (>= netcoreapp5.0)) (== netcoreapp2.1) (== netstandard2.0)
      Microsoft.NETCore.Targets (>= 1.1.3) - restriction: || (&& (== net45) (>= netcoreapp5.0)) (&& (== net451) (< net45)) (&& (== net451) (>= netcoreapp5.0)) (&& (== net47) (< net45)) (&& (== net47) (>= netcoreapp5.0)) (== netcoreapp2.1) (== netstandard2.0)
      System.Runtime (>= 4.3.1) - restriction: || (&& (== net45) (>= netcoreapp5.0)) (&& (== net451) (< net45)) (&& (== net451) (>= netcoreapp5.0)) (&& (== net47) (< net45)) (&& (== net47) (>= netcoreapp5.0)) (== netcoreapp2.1) (== netstandard2.0)
    System.Runtime.Handles (4.3) - restriction: || (&& (== net45) (>= netcoreapp5.0)) (&& (== net45) (>= netstandard2.0)) (&& (== net451) (>= netcoreapp5.0)) (&& (== net451) (>= netstandard2.0)) (&& (== net47) (< net46) (>= netstandard2.0)) (&& (== net47) (>= netcoreapp5.0)) (== netcoreapp2.1) (== netstandard2.0)
      Microsoft.NETCore.Platforms (>= 1.1) - restriction: || (&& (== net45) (>= netstandard1.3)) (&& (== net451) (>= netstandard1.3)) (&& (== net47) (< net46)) (== netcoreapp2.1) (== netstandard2.0)
      Microsoft.NETCore.Targets (>= 1.1) - restriction: || (&& (== net45) (>= netstandard1.3)) (&& (== net451) (>= netstandard1.3)) (&& (== net47) (< net46)) (== netcoreapp2.1) (== netstandard2.0)
      System.Runtime (>= 4.3) - restriction: || (&& (== net45) (>= netstandard1.3)) (&& (== net451) (>= netstandard1.3)) (&& (== net47) (< net46)) (== netcoreapp2.1) (== netstandard2.0)
    System.Runtime.InteropServices (4.3) - restriction: || (&& (== net45) (>= netstandard2.0)) (&& (== net451) (>= netstandard2.0)) (&& (== net47) (< net46) (>= netstandard2.0)) (== netcoreapp2.1) (== netstandard2.0)
      Microsoft.NETCore.Platforms (>= 1.1) - restriction: || (&& (== net45) (>= netcoreapp1.1)) (&& (== net451) (< net45)) (&& (== net451) (>= netcoreapp1.1)) (&& (== net47) (< net45)) (&& (== net47) (>= netcoreapp1.1)) (== netcoreapp2.1) (== netstandard2.0)
      Microsoft.NETCore.Targets (>= 1.1) - restriction: || (&& (== net45) (>= netcoreapp1.1)) (&& (== net451) (< net45)) (&& (== net451) (>= netcoreapp1.1)) (&& (== net47) (< net45)) (&& (== net47) (>= netcoreapp1.1)) (== netcoreapp2.1) (== netstandard2.0)
      System.Reflection (>= 4.3) - restriction: || (&& (== net45) (>= netcoreapp1.1)) (&& (== net451) (< net45)) (&& (== net451) (>= netcoreapp1.1)) (&& (== net47) (< net45)) (&& (== net47) (>= netcoreapp1.1)) (== netcoreapp2.1) (== netstandard2.0)
      System.Reflection.Primitives (>= 4.3) - restriction: || (&& (== net45) (>= netcoreapp1.1)) (&& (== net451) (< net45)) (&& (== net451) (>= netcoreapp1.1)) (&& (== net47) (< net45)) (&& (== net47) (>= netcoreapp1.1)) (== netcoreapp2.1) (== netstandard2.0)
      System.Runtime (>= 4.3) - restriction: || (&& (== net45) (>= net462)) (&& (== net45) (>= netcoreapp1.1)) (&& (== net451) (< net45)) (&& (== net451) (>= net462)) (&& (== net451) (>= netcoreapp1.1)) (== net47) (== netcoreapp2.1) (== netstandard2.0)
      System.Runtime.Handles (>= 4.3) - restriction: || (&& (== net45) (>= netcoreapp1.1)) (&& (== net451) (< net45) (>= netstandard1.3)) (&& (== net451) (< net45) (>= netstandard1.5)) (&& (== net451) (>= netcoreapp1.1)) (&& (== net47) (< net45)) (&& (== net47) (>= netcoreapp1.1)) (== netcoreapp2.1) (== netstandard2.0)
    System.Runtime.InteropServices.RuntimeInformation (4.3.0) - version_in_path: true, restriction: || (&& (== net45) (>= net461)) (&& (== net451) (>= net461)) (== net47) (&& (== netcoreapp2.1) (>= net461)) (&& (== netstandard2.0) (>= net461))
    System.Security.AccessControl (5.0) - restriction: || (&& (== net45) (>= netstandard2.0)) (&& (== net451) (>= netstandard2.0)) (&& (== net47) (>= netstandard2.0)) (== netcoreapp2.1) (== netstandard2.0)
      Microsoft.NETCore.Platforms (>= 5.0) - restriction: || (&& (== net45) (>= netcoreapp2.0)) (&& (== net451) (>= netcoreapp2.0)) (&& (== net47) (>= netcoreapp2.0)) (== netcoreapp2.1) (&& (== netstandard2.0) (>= netcoreapp2.0))
      System.Security.Principal.Windows (>= 5.0) - restriction: || (&& (== net45) (>= net46)) (&& (== net45) (>= net461)) (&& (== net45) (>= netcoreapp2.0)) (&& (== net45) (>= netstandard1.3)) (&& (== net45) (>= netstandard2.0)) (&& (== net451) (>= net46)) (&& (== net451) (>= net461)) (&& (== net451) (>= netcoreapp2.0)) (&& (== net451) (>= netstandard1.3)) (&& (== net451) (>= netstandard2.0)) (== net47) (== netcoreapp2.1) (== netstandard2.0)
    System.Security.Cryptography.ProtectedData (5.0) - restriction: || (&& (== net45) (>= netstandard2.0)) (&& (== net451) (>= netstandard2.0)) (&& (== net47) (< net461) (>= netstandard2.0)) (== netcoreapp2.1) (== netstandard2.0)
      System.Memory (>= 4.5.4) - restriction: || (&& (== net45) (>= netstandard2.0)) (&& (== net451) (>= netstandard2.0)) (&& (== net47) (< net46) (>= netstandard2.0)) (== netstandard2.0)
    System.Security.Permissions (5.0) - restriction: || (&& (== net45) (>= netstandard2.0)) (&& (== net451) (>= netstandard2.0)) (&& (== net47) (>= netstandard2.0)) (== netcoreapp2.1) (== netstandard2.0)
      System.Security.AccessControl (>= 5.0) - restriction: || (&& (== net45) (>= net461)) (&& (== net45) (>= netstandard2.0)) (&& (== net451) (>= net461)) (&& (== net451) (>= netstandard2.0)) (== net47) (== netcoreapp2.1) (== netstandard2.0)
    System.Security.Principal.Windows (5.0) - restriction: || (&& (== net45) (>= netcoreapp2.0)) (&& (== net45) (>= netstandard2.0)) (&& (== net45) (>= xamarinios)) (&& (== net45) (>= xamarinmac)) (&& (== net451) (>= netcoreapp2.0)) (&& (== net451) (>= netstandard2.0)) (&& (== net451) (>= xamarinios)) (&& (== net451) (>= xamarinmac)) (&& (== net47) (>= netcoreapp2.0)) (&& (== net47) (>= netstandard2.0)) (&& (== net47) (>= xamarinios)) (&& (== net47) (>= xamarinmac)) (== netcoreapp2.1) (== netstandard2.0)
      Microsoft.NETCore.Platforms (>= 5.0) - restriction: || (&& (== net45) (>= netcoreapp2.0)) (&& (== net45) (>= netcoreapp2.1)) (&& (== net451) (>= netcoreapp2.0)) (&& (== net451) (>= netcoreapp2.1)) (&& (== net47) (>= netcoreapp2.0)) (&& (== net47) (>= netcoreapp2.1)) (== netcoreapp2.1) (&& (== netstandard2.0) (>= netcoreapp2.0)) (&& (== netstandard2.0) (>= netcoreapp2.1))
    System.Text.Encoding (4.3) - restriction: || (&& (== net45) (>= netcoreapp5.0)) (&& (== net451) (< net45) (>= netstandard2.0)) (&& (== net451) (>= netcoreapp5.0)) (&& (== net47) (< net45) (>= netstandard2.0)) (&& (== net47) (>= netcoreapp5.0)) (== netcoreapp2.1) (== netstandard2.0)
      Microsoft.NETCore.Platforms (>= 1.1) - restriction: || (&& (== net45) (>= netcoreapp5.0)) (&& (== net451) (< net45)) (&& (== net451) (>= netcoreapp5.0)) (&& (== net47) (< net45)) (&& (== net47) (>= netcoreapp5.0)) (== netcoreapp2.1) (== netstandard2.0)
      Microsoft.NETCore.Targets (>= 1.1) - restriction: || (&& (== net45) (>= netcoreapp5.0)) (&& (== net451) (< net45)) (&& (== net451) (>= netcoreapp5.0)) (&& (== net47) (< net45)) (&& (== net47) (>= netcoreapp5.0)) (== netcoreapp2.1) (== netstandard2.0)
      System.Runtime (>= 4.3) - restriction: || (&& (== net45) (>= netcoreapp5.0)) (&& (== net451) (< net45)) (&& (== net451) (>= netcoreapp5.0)) (&& (== net47) (< net45)) (&& (== net47) (>= netcoreapp5.0)) (== netcoreapp2.1) (== netstandard2.0)
    System.Text.Encoding.CodePages (5.0) - restriction: || (&& (== net45) (>= netstandard2.0)) (&& (== net451) (>= netstandard2.0)) (&& (== net47) (>= netstandard2.0)) (== netcoreapp2.1) (== netstandard2.0)
      Microsoft.NETCore.Platforms (>= 5.0) - restriction: || (&& (== net45) (>= netcoreapp2.0)) (&& (== net451) (>= netcoreapp2.0)) (&& (== net47) (>= netcoreapp2.0)) (== netcoreapp2.1) (&& (== netstandard2.0) (>= netcoreapp2.0))
      System.Runtime.CompilerServices.Unsafe (>= 5.0) - restriction: || (&& (== net45) (>= net461)) (&& (== net45) (>= netcoreapp2.0)) (&& (== net45) (>= netstandard2.0)) (&& (== net451) (>= net461)) (&& (== net451) (>= netcoreapp2.0)) (&& (== net451) (>= netstandard2.0)) (== net47) (== netcoreapp2.1) (== netstandard2.0)
    System.Threading.Tasks (4.3) - restriction: || (&& (== net45) (>= netcoreapp5.0)) (&& (== net451) (< net45) (>= netstandard2.0)) (&& (== net451) (>= netcoreapp5.0)) (&& (== net47) (< net45) (>= netstandard2.0)) (&& (== net47) (>= netcoreapp5.0)) (== netcoreapp2.1) (== netstandard2.0)
      Microsoft.NETCore.Platforms (>= 1.1) - restriction: || (&& (== net45) (>= netcoreapp5.0)) (&& (== net451) (< net45)) (&& (== net451) (>= netcoreapp5.0)) (&& (== net47) (< net45)) (&& (== net47) (>= netcoreapp5.0)) (== netcoreapp2.1) (== netstandard2.0)
      Microsoft.NETCore.Targets (>= 1.1) - restriction: || (&& (== net45) (>= netcoreapp5.0)) (&& (== net451) (< net45)) (&& (== net451) (>= netcoreapp5.0)) (&& (== net47) (< net45)) (&& (== net47) (>= netcoreapp5.0)) (== netcoreapp2.1) (== netstandard2.0)
      System.Runtime (>= 4.3) - restriction: || (&& (== net45) (>= netcoreapp5.0)) (&& (== net451) (< net45)) (&& (== net451) (>= netcoreapp5.0)) (&& (== net47) (< net45)) (&& (== net47) (>= netcoreapp5.0)) (== netcoreapp2.1) (== netstandard2.0)
    System.Threading.Tasks.Extensions (4.5.4) - restriction: || (&& (== net45) (>= netstandard2.0)) (&& (== net451) (>= netstandard2.0)) (&& (== net47) (>= netstandard2.0)) (== netcoreapp2.1) (== netstandard2.0)
      System.Runtime.CompilerServices.Unsafe (>= 4.5.3) - restriction: || (== net45) (== net451) (== net47) (&& (== netcoreapp2.1) (>= net461)) (&& (== netcoreapp2.1) (< netstandard1.0)) (&& (== netcoreapp2.1) (< netstandard2.0)) (&& (== netcoreapp2.1) (>= wp8)) (== netstandard2.0)
    System.ValueTuple (4.5) - restriction: || (&& (== net45) (>= netstandard2.0)) (&& (== net451) (>= netstandard2.0)) (&& (== net47) (>= netstandard2.0)) (== netcoreapp2.1) (== netstandard2.0)

GROUP Formatting
NUGET
  remote: https://www.nuget.org/api/v2
    FSharp.Compiler.Service (38.0) - restriction: >= netstandard2.0
      FSharp.Core (5.0) - restriction: >= netstandard2.0
    FSharp.Core (5.0) - restriction: >= netstandard2.0
    FSharp.Formatting (4.0.1)
      FSharp.Compiler.Service (>= 35.0) - restriction: >= netstandard2.0
    FSharp.Formatting.CommandTool (4.0.1)

GROUP Thermo
NUGET
  remote: lib/ThermoFisher
    ThermoFisher.CommonCore.BackgroundSubtraction (4.0.107)
    ThermoFisher.CommonCore.Data (4.0.107)
    ThermoFisher.CommonCore.MassPrecisionEstimator (4.0.107)
    ThermoFisher.CommonCore.RawFileReader (4.0.107)
